GIT
  remote: https://github.com/derekprior/momentjs-rails.git
  revision: de473b81db40d0dc19e277895746c79b41a0607a
  specs:
    momentjs-rails (2.29.4.1)
      railties (>= 3.1)

GIT
  remote: https://github.com/jfly/selectize-rails.git
  revision: fe39d6e08934c0ebc602a166d88de3b22c3aaf49
  specs:
    selectize-rails (0.12.1)

GIT
  remote: https://github.com/thewca/i18n-country-translations.git
  revision: e6706abe0eaa65729c1acb698be08b91dd2b6fde
  specs:
    i18n-country-translations (1.4.1)
      i18n (>= 0.9.3, < 2)
      railties (>= 5.0)

GIT
  remote: https://github.com/thewca/ruby-iso.git
  revision: 3782e23f5c913434e71120cfc358d5539a70265e
  specs:
    iso (0.4.0)
      i18n

GIT
  remote: https://github.com/thewca/starburst.git
  revision: 7f087848e0465c92dd2b844e582ed22bb6b400da
  specs:
    starburst (2.0.0.rc0)
      rails (>= 4.2.0, < 7.3)

GIT
  remote: https://github.com/thewca/time_will_tell.git
  revision: d1ad80f4e4c60762c50086976301453e1f40fab4
  specs:
    time_will_tell (0.1.0)
      railties (>= 3.2)

GIT
  remote: https://github.com/twalpole/apparition.git
  revision: ca86be4d54af835d531dbcd2b86e7b2c77f85f34
  specs:
    apparition (0.6.0)
      capybara (~> 3.13, < 4)
      websocket-driver (>= 0.6.5)

GIT
  remote: https://github.com/zpaulovics/datetimepicker-rails.git
  revision: 7a4640cb932e55866500a86c4f78808a4fca46e6
  submodules: true
  specs:
    datetimepicker-rails (4.7.16)
      momentjs-rails (>= 2.9.0)

GEM
  remote: https://rubygems.org/
  specs:
    actioncable (7.2.2.1)
      actionpack (= 7.2.2.1)
      activesupport (= 7.2.2.1)
      nio4r (~> 2.0)
      websocket-driver (>= 0.6.1)
      zeitwerk (~> 2.6)
    actionmailbox (7.2.2.1)
      actionpack (= 7.2.2.1)
      activejob (= 7.2.2.1)
      activerecord (= 7.2.2.1)
      activestorage (= 7.2.2.1)
      activesupport (= 7.2.2.1)
      mail (>= 2.8.0)
    actionmailer (7.2.2.1)
      actionpack (= 7.2.2.1)
      actionview (= 7.2.2.1)
      activejob (= 7.2.2.1)
      activesupport (= 7.2.2.1)
      mail (>= 2.8.0)
      rails-dom-testing (~> 2.2)
    actionpack (7.2.2.1)
      actionview (= 7.2.2.1)
      activesupport (= 7.2.2.1)
      nokogiri (>= 1.8.5)
      racc
      rack (>= 2.2.4, < 3.2)
      rack-session (>= 1.0.1)
      rack-test (>= 0.6.3)
      rails-dom-testing (~> 2.2)
      rails-html-sanitizer (~> 1.6)
      useragent (~> 0.16)
    actiontext (7.2.2.1)
      actionpack (= 7.2.2.1)
      activerecord (= 7.2.2.1)
      activestorage (= 7.2.2.1)
      activesupport (= 7.2.2.1)
      globalid (>= 0.6.0)
      nokogiri (>= 1.8.5)
    actionview (7.2.2.1)
      activesupport (= 7.2.2.1)
      builder (~> 3.1)
      erubi (~> 1.11)
      rails-dom-testing (~> 2.2)
      rails-html-sanitizer (~> 1.6)
    activejob (7.2.2.1)
      activesupport (= 7.2.2.1)
      globalid (>= 0.3.6)
    activemodel (7.2.2.1)
      activesupport (= 7.2.2.1)
    activerecord (7.2.2.1)
      activemodel (= 7.2.2.1)
      activesupport (= 7.2.2.1)
      timeout (>= 0.4.0)
    activerecord-import (2.1.0)
      activerecord (>= 4.2)
    activestorage (7.2.2.1)
      actionpack (= 7.2.2.1)
      activejob (= 7.2.2.1)
      activerecord (= 7.2.2.1)
      activesupport (= 7.2.2.1)
      marcel (~> 1.0)
    activestorage-validator (0.4.0)
      rails (>= 6.1.0)
    activesupport (7.2.2.1)
      base64
      benchmark (>= 0.3)
      bigdecimal
      concurrent-ruby (~> 1.0, >= 1.3.1)
      connection_pool (>= 2.2.5)
      drb
      i18n (>= 1.6, < 2)
      logger (>= 1.4.2)
      minitest (>= 5.1)
      securerandom (>= 0.3)
      tzinfo (~> 2.0, >= 2.0.5)
    addressable (2.8.7)
      public_suffix (>= 2.0.2, < 7.0)
    after_commit_everywhere (1.6.0)
      activerecord (>= 4.2)
      activesupport
    ansi (1.5.0)
    api-pagination (6.0.0)
    ast (2.4.3)
    autoprefixer-rails (9.4.7)
      execjs
    aws-eventstream (1.3.2)
    aws-partitions (1.1077.0)
    aws-sdk-cloudfront (1.114.0)
      aws-sdk-core (~> 3, >= 3.216.0)
      aws-sigv4 (~> 1.5)
    aws-sdk-core (3.222.1)
      aws-eventstream (~> 1, >= 1.3.0)
      aws-partitions (~> 1, >= 1.992.0)
      aws-sigv4 (~> 1.9)
      base64
      jmespath (~> 1, >= 1.6.1)
      logger
    aws-sdk-kms (1.99.0)
      aws-sdk-core (~> 3, >= 3.216.0)
      aws-sigv4 (~> 1.5)
    aws-sdk-rds (1.273.0)
      aws-sdk-core (~> 3, >= 3.216.0)
      aws-sigv4 (~> 1.5)
    aws-sdk-s3 (1.182.0)
      aws-sdk-core (~> 3, >= 3.216.0)
      aws-sdk-kms (~> 1)
      aws-sigv4 (~> 1.5)
    aws-sdk-sqs (1.93.0)
      aws-sdk-core (~> 3, >= 3.216.0)
      aws-sigv4 (~> 1.5)
    aws-sigv4 (1.11.0)
      aws-eventstream (~> 1, >= 1.0.2)
    babel-source (5.8.35)
    babel-transpiler (0.7.0)
      babel-source (>= 4.0, < 6)
      execjs (~> 2.0)
    base64 (0.2.0)
    bcrypt (3.1.20)
    benchmark (0.4.0)
    better_errors (2.10.1)
      erubi (>= 1.0.0)
      rack (>= 0.9.0)
      rouge (>= 1.0.0)
    bigdecimal (3.1.9)
    bindex (0.8.1)
    binding_of_caller (1.0.1)
      debug_inspector (>= 1.2.0)
    blocks (4.0.1)
      rails (>= 3.0.0)
    bootstrap-sass (3.4.1)
      autoprefixer-rails (>= 5.2.1)
      sassc (>= 2.0.0)
    bootstrap-table-rails (1.11.1.1)
    builder (3.3.0)
    bullet (8.0.1)
      activesupport (>= 3.0.0)
      uniform_notifier (~> 1.11)
    byebug (12.0.0)
    camertron-eprun (1.1.1)
    capybara (3.40.0)
      addressable
      matrix
      mini_mime (>= 0.1.3)
      nokogiri (~> 1.11)
      rack (>= 1.6.0)
      rack-test (>= 0.6.3)
      regexp_parser (>= 1.5, < 3.0)
      xpath (~> 3.2)
    capybara-screenshot (1.0.26)
      capybara (>= 1.0, < 4)
      launchy
    childprocess (5.1.0)
      logger (~> 1.5)
    chunky_png (1.4.0)
    cldr-plurals-runtime-rb (1.1.0)
    cocoon (1.2.15)
    coderay (1.1.3)
    colorize (0.8.1)
    concurrent-ruby (1.3.5)
    connection_pool (2.5.0)
    cookies_eu (1.7.8)
      js_cookie_rails (~> 2.2.0)
    crack (1.0.0)
      bigdecimal
      rexml
    crass (1.0.6)
    cronex (0.15.0)
      tzinfo
      unicode (>= 0.4.4.5)
    css_parser (1.16.0)
      addressable
    csv (3.3.3)
    daemons (1.4.1)
    database_cleaner (2.1.0)
      database_cleaner-active_record (>= 2, < 3)
    database_cleaner-active_record (2.2.0)
      activerecord (>= 5.a)
      database_cleaner-core (~> 2.0.0)
    database_cleaner-core (2.0.1)
    date (3.4.1)
    debug_inspector (1.2.0)
    declarative (0.0.20)
    devise (4.9.4)
      bcrypt (~> 3.0)
      orm_adapter (~> 0.1)
      railties (>= 4.1.0)
      responders
      warden (~> 1.2.3)
    devise-bootstrap-views (1.1.0)
    devise-i18n (1.13.0)
      devise (>= 4.9.0)
      rails-i18n
    devise-jwt (0.12.1)
      devise (~> 4.0)
      warden-jwt_auth (~> 0.10)
    devise-two-factor (6.1.0)
      activesupport (>= 7.0, < 8.1)
      devise (~> 4.0)
      railties (>= 7.0, < 8.1)
      rotp (~> 6.0)
    diff-lcs (1.5.1)
    docile (1.4.0)
    domain_name (0.5.20190701)
      unf (>= 0.0.5, < 1.0.0)
    doorkeeper (5.8.1)
      railties (>= 5)
    doorkeeper-i18n (5.2.7)
      doorkeeper (>= 5.2)
    doorkeeper-openid_connect (1.8.11)
      doorkeeper (>= 5.5, < 5.9)
      jwt (>= 2.5)
      ostruct (>= 0.5)
    dotenv (3.1.7)
    dotenv-rails (3.1.7)
      dotenv (= 3.1.7)
      railties (>= 6.1)
    drb (2.2.1)
    dry-auto_inject (1.0.1)
      dry-core (~> 1.0)
      zeitwerk (~> 2.6)
    dry-configurable (1.2.0)
      dry-core (~> 1.0, < 2)
      zeitwerk (~> 2.6)
    dry-core (1.0.1)
      concurrent-ruby (~> 1.0)
      zeitwerk (~> 2.6)
    enum_help (0.0.19)
      activesupport (>= 3.0.0)
    erubi (1.13.1)
    et-orbi (1.2.11)
      tzinfo
    eu_central_bank (1.7.0)
      money (~> 6.13, >= 6.13.6)
      nokogiri (~> 1.9)
    execjs (2.10.0)
    factory_bot (6.5.0)
      activesupport (>= 5.0.0)
    factory_bot_rails (6.4.4)
      factory_bot (~> 6.5)
      railties (>= 5.0.0)
    faker (3.5.1)
      i18n (>= 1.8.11, < 2)
    faraday (2.12.2)
      faraday-net_http (>= 2.0, < 3.5)
      json
      logger
    faraday-mashify (0.1.1)
      faraday (~> 2.0)
      hashie
    faraday-multipart (1.1.0)
      multipart-post (~> 2.0)
    faraday-net_http (3.4.0)
      net-http (>= 0.5.0)
    faraday-retry (2.3.0)
      faraday (~> 2.0)
    ffi (1.17.1)
    ffi (1.17.1-aarch64-linux-gnu)
    ffi (1.17.1-aarch64-linux-musl)
    ffi (1.17.1-arm-linux-gnu)
    ffi (1.17.1-arm-linux-musl)
    ffi (1.17.1-arm64-darwin)
    ffi (1.17.1-x86-linux-gnu)
    ffi (1.17.1-x86-linux-musl)
    ffi (1.17.1-x86_64-darwin)
    ffi (1.17.1-x86_64-linux-gnu)
    ffi (1.17.1-x86_64-linux-musl)
    formatador (0.3.0)
    fugit (1.11.1)
      et-orbi (~> 1, >= 1.2.11)
      raabro (~> 1.4)
    gli (2.22.2)
      ostruct
    glob (0.4.0)
    globalid (1.2.1)
      activesupport (>= 6.1)
    google-apis-admin_directory_v1 (0.61.0)
      google-apis-core (>= 0.15.0, < 2.a)
    google-apis-core (0.16.0)
      addressable (~> 2.5, >= 2.5.1)
      googleauth (~> 1.9)
      httpclient (>= 2.8.3, < 3.a)
      mini_mime (~> 1.0)
      mutex_m
      representable (~> 3.0)
      retriable (>= 2.0, < 4.a)
    google-cloud-env (2.2.1)
      faraday (>= 1.0, < 3.a)
    google-logging-utils (0.1.0)
    google-protobuf (4.29.3)
      bigdecimal
      rake (>= 13)
    google-protobuf (4.29.3-aarch64-linux)
      bigdecimal
      rake (>= 13)
    google-protobuf (4.29.3-arm64-darwin)
      bigdecimal
      rake (>= 13)
    google-protobuf (4.29.3-x86-linux)
      bigdecimal
      rake (>= 13)
    google-protobuf (4.29.3-x86_64-darwin)
      bigdecimal
      rake (>= 13)
    google-protobuf (4.29.3-x86_64-linux)
      bigdecimal
      rake (>= 13)
    googleauth (1.13.1)
      faraday (>= 1.0, < 3.a)
      google-cloud-env (~> 2.2)
      google-logging-utils (~> 0.1)
      jwt (>= 1.4, < 3.0)
      multi_json (~> 1.11)
      os (>= 0.9, < 2.0)
      signet (>= 0.16, < 2.a)
    guard (2.18.0)
      formatador (>= 0.2.4)
      listen (>= 2.7, < 4.0)
      lumberjack (>= 1.0.12, < 2.0)
      nenv (~> 0.1)
      notiffany (~> 0.0)
      pry (>= 0.13.0)
      shellany (~> 0.0)
      thor (>= 0.18.1)
    guard-compat (1.2.1)
    guard-rspec (4.7.3)
      guard (~> 2.1)
      guard-compat (~> 1.1)
      rspec (>= 2.99.0, < 4.0)
    hashdiff (1.1.2)
    hashie (5.0.0)
    highline (3.1.2)
      reline
    hiredis (0.6.3)
    htmlentities (4.3.4)
    http-accept (1.7.0)
    http-cookie (1.0.3)
      domain_name (~> 0.5)
    http_accept_language (2.1.1)
    httpclient (2.9.0)
      mutex_m
    i18n (1.14.7)
      concurrent-ruby (~> 1.0)
    i18n-js (4.2.3)
      glob (>= 0.4.0)
      i18n
    i18n-spec (0.6.0)
      iso
    i18n-tasks (1.0.15)
      activesupport (>= 4.0.2)
      ast (>= 2.1.0)
      erubi
      highline (>= 2.0.0)
      i18n
      parser (>= 3.2.2.1)
      rails-i18n
      rainbow (>= 2.2.2, < 4.0)
      ruby-progressbar (~> 1.8, >= 1.8.1)
      terminal-table (>= 1.5.1)
    icalendar (2.10.3)
      ice_cube (~> 0.16)
      ostruct
    ice_cube (0.17.0)
    image_processing (1.14.0)
      mini_magick (>= 4.9.5, < 6)
      ruby-vips (>= 2.0.17, < 3)
    iniparse (1.5.0)
    io-console (0.8.0)
    irb (1.15.1)
      pp (>= 0.6.0)
      rdoc (>= 4.0.0)
      reline (>= 0.4.2)
    jaro_winkler (1.6.0)
    jbuilder (2.13.0)
      actionview (>= 5.0.0)
      activesupport (>= 5.0.0)
    jmespath (1.6.2)
    js_cookie_rails (2.2.0)
      railties (>= 3.1)
    json (2.10.2)
    json-schema (5.1.1)
      addressable (~> 2.8)
      bigdecimal (~> 3.1)
    jwt (2.10.1)
      base64
    kaminari (1.2.2)
      activesupport (>= 4.1.0)
      kaminari-actionview (= 1.2.2)
      kaminari-activerecord (= 1.2.2)
      kaminari-core (= 1.2.2)
    kaminari-actionview (1.2.2)
      actionview
      kaminari-core (= 1.2.2)
    kaminari-activerecord (1.2.2)
      activerecord
      kaminari-core (= 1.2.2)
    kaminari-core (1.2.2)
    kaminari-i18n (0.5.0)
      kaminari
      rails
    language_server-protocol (3.17.0.4)
    launchy (3.1.1)
      addressable (~> 2.8)
      childprocess (~> 5.0)
      logger (~> 1.6)
    lint_roller (1.1.0)
    listen (3.6.0)
      rb-fsevent (~> 0.10, >= 0.10.3)
      rb-inotify (~> 0.9, >= 0.9.10)
    logger (1.7.0)
    loofah (2.24.0)
      crass (~> 1.0.2)
      nokogiri (>= 1.12.0)
    lumberjack (1.2.8)
    mail (2.8.1)
      mini_mime (>= 0.1.1)
      net-imap
      net-pop
      net-smtp
    mail_form (1.10.1)
      actionmailer (>= 5.2)
      activemodel (>= 5.2)
    marcel (1.0.4)
    matrix (0.4.2)
    method_source (1.0.0)
    mime-types (3.3.1)
      mime-types-data (~> 3.2015)
    mime-types-data (3.2021.0704)
    mini_magick (5.2.0)
      benchmark
      logger
    mini_mime (1.1.5)
    mini_portile2 (2.8.8)
    minitest (5.25.5)
    monetize (1.11.0)
      money (~> 6.12)
    money (6.16.0)
      i18n (>= 0.6.4, <= 2)
    money-currencylayer-bank (0.7.2)
      json (>= 1.8)
      monetize (~> 1.4)
      money (~> 6.7)
    money-rails (1.15.0)
      activesupport (>= 3.0)
      monetize (~> 1.9)
      money (~> 6.13)
      railties (>= 3.0)
    multi_json (1.15.0)
    multi_xml (0.6.0)
    multipart-post (2.4.1)
    mutex_m (0.3.0)
    mysql2 (0.5.6)
    nenv (0.3.0)
    net-http (0.6.0)
      uri
    net-imap (0.5.6)
      date
      net-protocol
    net-pop (0.1.2)
      net-protocol
    net-protocol (0.2.2)
      timeout
    net-smtp (0.5.0)
      net-protocol
    netrc (0.11.0)
    newrelic_rpm (9.17.0)
    nio4r (2.7.4)
    nokogiri (1.18.6)
      mini_portile2 (~> 2.8.2)
      racc (~> 1.4)
    nokogiri (1.18.6-aarch64-linux-gnu)
      racc (~> 1.4)
    nokogiri (1.18.6-aarch64-linux-musl)
      racc (~> 1.4)
    nokogiri (1.18.6-arm-linux-gnu)
      racc (~> 1.4)
    nokogiri (1.18.6-arm-linux-musl)
      racc (~> 1.4)
    nokogiri (1.18.6-arm64-darwin)
      racc (~> 1.4)
    nokogiri (1.18.6-x86_64-darwin)
      racc (~> 1.4)
    nokogiri (1.18.6-x86_64-linux-gnu)
      racc (~> 1.4)
    nokogiri (1.18.6-x86_64-linux-musl)
      racc (~> 1.4)
    notiffany (0.1.3)
      nenv (~> 0.1)
      shellany (~> 0.0)
    oauth2 (2.0.9)
      faraday (>= 0.17.3, < 3.0)
      jwt (>= 1.0, < 3.0)
      multi_xml (~> 0.5)
      rack (>= 1.2, < 4)
      snaky_hash (~> 2.0)
      version_gem (~> 1.1)
    octokit (9.2.0)
      faraday (>= 1, < 3)
      sawyer (~> 0.9)
    oga (3.4)
      ast
      ruby-ll (~> 2.1)
    openssl (3.3.0)
    orm_adapter (0.5.0)
    os (1.1.4)
    ostruct (0.6.1)
    overcommit (0.67.1)
      childprocess (>= 0.6.3, < 6)
      iniparse (~> 1.4)
      rexml (>= 3.3.9)
    package_json (0.1.0)
    parallel (1.26.3)
    parser (3.3.7.4)
      ast (~> 2.4.1)
      racc
    pp (0.6.2)
      prettyprint
    premailer (1.22.0)
      addressable
      css_parser (>= 1.12.0)
      htmlentities (>= 4.0.0)
    premailer-rails (1.12.0)
      actionmailer (>= 3)
      net-smtp
      premailer (~> 1.7, >= 1.7.9)
    prettyprint (0.2.0)
    prism (1.4.0)
    pry (0.14.1)
      coderay (~> 1.1)
      method_source (~> 1.0)
    psych (5.2.3)
      date
      stringio
    public_suffix (6.0.1)
    puma (6.6.0)
      nio4r (~> 2.0)
    raabro (1.4.0)
    racc (1.8.1)
    rack (3.1.12)
    rack-cors (2.0.2)
      rack (>= 2.0.0)
    rack-proxy (0.7.7)
      rack
    rack-session (2.1.0)
      base64 (>= 0.1.0)
      rack (>= 3.0.0)
    rack-test (2.2.0)
      rack (>= 1.3)
    rackup (2.2.1)
      rack (>= 3)
    rails (7.2.2.1)
      actioncable (= 7.2.2.1)
      actionmailbox (= 7.2.2.1)
      actionmailer (= 7.2.2.1)
      actionpack (= 7.2.2.1)
      actiontext (= 7.2.2.1)
      actionview (= 7.2.2.1)
      activejob (= 7.2.2.1)
      activemodel (= 7.2.2.1)
      activerecord (= 7.2.2.1)
      activestorage (= 7.2.2.1)
      activesupport (= 7.2.2.1)
      bundler (>= 1.15.0)
      railties (= 7.2.2.1)
    rails-controller-testing (1.0.5)
      actionpack (>= 5.0.1.rc1)
      actionview (>= 5.0.1.rc1)
      activesupport (>= 5.0.1.rc1)
    rails-dom-testing (2.2.0)
      activesupport (>= 5.0.0)
      minitest
      nokogiri (>= 1.6)
    rails-html-sanitizer (1.6.2)
      loofah (~> 2.21)
      nokogiri (>= 1.15.7, != 1.16.7, != 1.16.6, != 1.16.5, != 1.16.4, != 1.16.3, != 1.16.2, != 1.16.1, != 1.16.0.rc1, != 1.16.0)
    rails-i18n (7.0.10)
      i18n (>= 0.7, < 2)
      railties (>= 6.0.0, < 8)
    railties (7.2.2.1)
      actionpack (= 7.2.2.1)
      activesupport (= 7.2.2.1)
      irb (~> 1.13)
      rackup (>= 1.0.0)
      rake (>= 12.2)
      thor (~> 1.0, >= 1.2.2)
      zeitwerk (~> 2.6)
    rainbow (3.1.1)
    rake (13.2.1)
    rake-compiler-dock (1.9.1)
    rb-fsevent (0.11.0)
    rb-inotify (0.10.1)
      ffi (~> 1.0)
    rb_sys (0.9.110)
      rake-compiler-dock (= 1.9.1)
    rdoc (6.12.0)
      psych (>= 4.0.0)
    react-rails (3.2.1)
      babel-transpiler (>= 0.7.0)
      connection_pool
      execjs
      railties (>= 3.2)
      tilt
    recaptcha (5.19.0)
    redcarpet (3.6.1)
    redis (5.4.0)
      redis-client (>= 0.22.0)
    redis-client (0.24.0)
      connection_pool
    regexp_parser (2.10.0)
    reline (0.6.0)
      io-console (~> 0.5)
    representable (3.2.0)
      declarative (< 0.1.0)
      trailblazer-option (>= 0.1.1, < 0.2.0)
      uber (< 0.2.0)
    responders (3.1.1)
      actionpack (>= 5.2)
      railties (>= 5.2)
    rest-client (2.1.0)
      http-accept (>= 1.7.0, < 2.0)
      http-cookie (>= 1.0.2, < 2.0)
      mime-types (>= 1.16, < 4.0)
      netrc (~> 0.8)
    retriable (3.1.2)
    rexml (3.4.1)
    rotp (6.3.0)
    rouge (4.1.2)
    rqrcode (2.2.0)
      chunky_png (~> 1.0)
      rqrcode_core (~> 1.0)
    rqrcode_core (1.2.0)
    rspec (3.13.0)
      rspec-core (~> 3.13.0)
      rspec-expectations (~> 3.13.0)
      rspec-mocks (~> 3.13.0)
    rspec-core (3.13.3)
      rspec-support (~> 3.13.0)
    rspec-expectations (3.13.3)
      diff-lcs (>= 1.2.0, < 2.0)
      rspec-support (~> 3.13.0)
    rspec-mocks (3.13.2)
      diff-lcs (>= 1.2.0, < 2.0)
      rspec-support (~> 3.13.0)
    rspec-rails (7.1.1)
      actionpack (>= 7.0)
      activesupport (>= 7.0)
      railties (>= 7.0)
      rspec-core (~> 3.13)
      rspec-expectations (~> 3.13)
      rspec-mocks (~> 3.13)
      rspec-support (~> 3.13)
    rspec-retry (0.6.2)
      rspec-core (> 3.3)
    rspec-support (3.13.2)
    rubocop (1.75.1)
      json (~> 2.3)
      language_server-protocol (~> 3.17.0.2)
      lint_roller (~> 1.1.0)
      parallel (~> 1.10)
      parser (>= 3.3.0.2)
      rainbow (>= 2.2.2, < 4.0)
      regexp_parser (>= 2.9.3, < 3.0)
      rubocop-ast (>= 1.43.0, < 2.0)
      ruby-progressbar (~> 1.7)
      unicode-display_width (>= 2.4.0, < 4.0)
    rubocop-ast (1.43.0)
      parser (>= 3.3.7.2)
      prism (~> 1.4)
    rubocop-capybara (2.22.1)
      lint_roller (~> 1.1)
      rubocop (~> 1.72, >= 1.72.1)
    rubocop-factory_bot (2.27.1)
      lint_roller (~> 1.1)
      rubocop (~> 1.72, >= 1.72.1)
    rubocop-performance (1.24.0)
      lint_roller (~> 1.1)
      rubocop (>= 1.72.1, < 2.0)
      rubocop-ast (>= 1.38.0, < 2.0)
    rubocop-rails (2.30.3)
      activesupport (>= 4.2.0)
      lint_roller (~> 1.1)
      rack (>= 1.1)
      rubocop (>= 1.72.1, < 2.0)
      rubocop-ast (>= 1.38.0, < 2.0)
    rubocop-rake (0.7.1)
      lint_roller (~> 1.1)
      rubocop (>= 1.72.1)
    rubocop-rspec (3.5.0)
      lint_roller (~> 1.1)
      rubocop (~> 1.72, >= 1.72.1)
    rubocop-rspec_rails (2.31.0)
      lint_roller (~> 1.1)
      rubocop (~> 1.72, >= 1.72.1)
      rubocop-rspec (~> 3.5)
    rubocop-thread_safety (0.7.2)
      lint_roller (~> 1.1)
      rubocop (~> 1.72, >= 1.72.1)
    ruby-ll (2.1.2)
      ansi
      ast
    ruby-progressbar (1.13.0)
    ruby-vips (2.2.3)
      ffi (~> 1.12)
      logger
    sass-embedded (1.85.0)
      google-protobuf (~> 4.29)
      rake (>= 13)
    sass-embedded (1.85.0-aarch64-linux-android)
      google-protobuf (~> 4.29)
    sass-embedded (1.85.0-aarch64-linux-gnu)
      google-protobuf (~> 4.29)
    sass-embedded (1.85.0-aarch64-linux-musl)
      google-protobuf (~> 4.29)
    sass-embedded (1.85.0-aarch64-mingw-ucrt)
      google-protobuf (~> 4.29)
    sass-embedded (1.85.0-arm-linux-androideabi)
      google-protobuf (~> 4.29)
    sass-embedded (1.85.0-arm-linux-gnueabihf)
      google-protobuf (~> 4.29)
    sass-embedded (1.85.0-arm-linux-musleabihf)
      google-protobuf (~> 4.29)
    sass-embedded (1.85.0-arm64-darwin)
      google-protobuf (~> 4.29)
    sass-embedded (1.85.0-riscv64-linux-android)
      google-protobuf (~> 4.29)
    sass-embedded (1.85.0-riscv64-linux-gnu)
      google-protobuf (~> 4.29)
    sass-embedded (1.85.0-riscv64-linux-musl)
      google-protobuf (~> 4.29)
    sass-embedded (1.85.0-x86_64-cygwin)
      google-protobuf (~> 4.29)
    sass-embedded (1.85.0-x86_64-darwin)
      google-protobuf (~> 4.29)
    sass-embedded (1.85.0-x86_64-linux-android)
      google-protobuf (~> 4.29)
    sass-embedded (1.85.0-x86_64-linux-gnu)
      google-protobuf (~> 4.29)
    sass-embedded (1.85.0-x86_64-linux-musl)
      google-protobuf (~> 4.29)
    sass-rails (6.0.0)
      sassc-rails (~> 2.1, >= 2.1.1)
    sassc (2.4.0)
      ffi (~> 1.9)
    sassc-embedded (1.80.4)
      sass-embedded (~> 1.80)
    sassc-rails (2.1.2)
      railties (>= 4.0.0)
      sassc (>= 2.0)
      sprockets (> 3.0)
      sprockets-rails
      tilt
    sawyer (0.9.2)
      addressable (>= 2.3.5)
      faraday (>= 0.17.3, < 3)
    sdoc (2.6.1)
      rdoc (>= 5.0)
    securerandom (0.4.1)
    seedbank (0.5.0)
      rake (>= 10.0)
    semantic_range (3.1.0)
    shakapacker (8.2.0)
      activesupport (>= 5.2)
      package_json
      rack-proxy (>= 0.6.1)
      railties (>= 5.2)
      semantic_range (>= 2.3.0)
    shellany (0.0.1)
    shoryuken (6.2.1)
      aws-sdk-core (>= 2)
      concurrent-ruby
      thor
    sidekiq (8.0.1)
      connection_pool (>= 2.5.0)
      json (>= 2.9.0)
      logger (>= 1.6.2)
      rack (>= 3.1.0)
      redis-client (>= 0.23.2)
    sidekiq-cron (2.2.0)
      cronex (>= 0.13.0)
      fugit (~> 1.8, >= 1.11.1)
      globalid (>= 1.0.1)
      sidekiq (>= 6.5.0)
    signet (0.19.0)
      addressable (~> 2.8)
      faraday (>= 0.17.5, < 3.a)
      jwt (>= 1.5, < 3.0)
      multi_json (~> 1.10)
    simple_form (5.3.1)
      actionpack (>= 5.2)
      activemodel (>= 5.2)
    simplecov (0.22.0)
      docile (~> 1.1)
      simplecov-html (~> 0.11)
      simplecov_json_formatter (~> 0.1)
    simplecov-html (0.12.3)
    simplecov-lcov (0.8.0)
    simplecov_json_formatter (0.1.4)
    simpleidn (0.2.1)
      unf (~> 0.1.4)
    slack-ruby-client (2.5.2)
      faraday (>= 2.0)
      faraday-mashify
      faraday-multipart
      gli
      hashie
      logger
    snaky_hash (2.0.1)
      hashie
      version_gem (~> 1.1, >= 1.1.1)
    spring (4.3.0)
    spring-commands-rspec (1.0.4)
      spring (>= 0.9.1)
    sprockets (4.2.1)
      concurrent-ruby (~> 1.0)
      rack (>= 2.2.4, < 4)
    sprockets-rails (3.5.2)
      actionpack (>= 6.1)
      activesupport (>= 6.1)
      sprockets (>= 3.0.0)
    stringio (3.1.5)
    strip_attributes (2.0.0)
      activemodel (>= 3.0, < 9.0)
    stripe (13.5.0)
    superconfig (2.2.1)
    terminal-table (4.0.0)
      unicode-display_width (>= 1.1.1, < 4)
    terser (1.2.5)
      execjs (>= 0.3.0, < 3)
    thor (1.3.2)
    tilt (2.3.0)
    timecop (0.9.10)
    timeout (0.4.3)
    trailblazer-option (0.1.2)
    translighterate (0.3.0)
      actionview (>= 6.0)
    twitter_cldr (6.14.0)
      base64
      camertron-eprun
      cldr-plurals-runtime-rb (~> 1.1)
      tzinfo
    tzf (1.2.0)
      rb_sys (~> 0.9.89)
    tzinfo (2.0.6)
      concurrent-ruby (~> 1.0)
    uber (0.1.0)
    unf (0.1.4)
      unf_ext
    unf_ext (0.0.9.1)
    unicode (0.4.4.5)
    unicode-display_width (3.1.4)
      unicode-emoji (~> 4.0, >= 4.0.4)
    unicode-emoji (4.0.4)
    uniform_notifier (1.16.0)
    uri (1.0.3)
    useragent (0.16.11)
    valid_email (0.2.1)
      activemodel
      mail (>= 2.6.1)
      simpleidn
    vault (0.18.2)
      aws-sigv4
    version_gem (1.1.1)
    warden (1.2.9)
      rack (>= 2.0.9)
    warden-jwt_auth (0.10.0)
      dry-auto_inject (>= 0.8, < 2)
      dry-configurable (>= 0.13, < 2)
      jwt (~> 2.1)
      warden (~> 1.2)
    wca_i18n (0.4.4)
      colorize (~> 0.8)
    web-console (4.2.1)
      actionview (>= 6.0.0)
      activemodel (>= 6.0.0)
      bindex (>= 0.4.0)
      railties (>= 6.0.0)
    webmock (3.25.1)
      addressable (>= 2.8.0)
      crack (>= 0.3.2)
      hashdiff (>= 0.4.0, < 2.0.0)
    websocket-driver (0.7.6)
      websocket-extensions (>= 0.1.0)
    websocket-extensions (0.1.5)
    wicked_pdf (2.8.2)
      activesupport
      ostruct
    wkhtmltopdf-binary-ng (0.12.6.6)
    xpath (3.2.0)
      nokogiri (~> 1.8)
    zeitwerk (2.7.2)

PLATFORMS
  aarch64-linux
  aarch64-linux-android
  aarch64-linux-gnu
  aarch64-linux-musl
  aarch64-mingw-ucrt
  arm-linux-androideabi
  arm-linux-gnu
  arm-linux-gnueabihf
  arm-linux-musl
  arm-linux-musleabihf
  arm64-darwin
  riscv64-linux-android
  riscv64-linux-gnu
  riscv64-linux-musl
  ruby
  x86-linux
  x86-linux-gnu
  x86-linux-musl
  x86_64-cygwin
  x86_64-darwin
  x86_64-linux-android
  x86_64-linux-gnu
  x86_64-linux-musl

DEPENDENCIES
  activerecord-import
  activestorage-validator
  after_commit_everywhere
  api-pagination
  apparition!
  aws-sdk-cloudfront
  aws-sdk-rds
  aws-sdk-s3
  aws-sdk-sqs
  better_errors
  binding_of_caller
  blocks
  bootstrap-sass
  bootstrap-table-rails
  bullet
  byebug
  capybara
  capybara-screenshot
  cocoon
  cookies_eu
  csv
  daemons
  database_cleaner
  datetimepicker-rails!
  devise
  devise-bootstrap-views
  devise-i18n
  devise-jwt
  devise-two-factor
  doorkeeper
  doorkeeper-i18n
  doorkeeper-openid_connect
  dotenv-rails
  enum_help
  eu_central_bank
  factory_bot_rails
  faker
  faraday
  faraday-retry
  google-apis-admin_directory_v1
  guard-rspec
  hiredis
  http_accept_language
  i18n-country-translations!
  i18n-js
  i18n-spec
  i18n-tasks
  icalendar
  image_processing
  irb
  iso!
  jaro_winkler
  jbuilder
  json-schema
  jwt
  kaminari
  kaminari-i18n
  launchy
  mail_form
  mini_magick
  momentjs-rails!
  money-currencylayer-bank
  money-rails
  mysql2
  newrelic_rpm
  nokogiri
  oauth2
  octokit
  oga
  openssl
  overcommit
  premailer-rails
  puma
  rack
  rack-cors
  rails
  rails-controller-testing
  rails-i18n
  rake
  react-rails
  recaptcha
  redcarpet
  redis
  rest-client
  rqrcode
  rspec-rails
  rspec-retry
  rubocop
  rubocop-capybara
  rubocop-factory_bot
  rubocop-performance
  rubocop-rails
  rubocop-rake
  rubocop-rspec
  rubocop-rspec_rails
  rubocop-thread_safety
  sass-rails
  sassc-embedded (~> 1)
  sdoc
  seedbank
  selectize-rails!
  shakapacker (= 8.2.0)
  shoryuken
  sidekiq
  sidekiq-cron
  simple_form
  simplecov
  simplecov-lcov
  slack-ruby-client
  spring
  spring-commands-rspec
  sprockets-rails
  starburst!
  strip_attributes
  stripe
  superconfig
  terser
  time_will_tell!
  timecop
  translighterate
  twitter_cldr
  tzf
  valid_email
  vault
  wca_i18n
  web-console
  webmock
  wicked_pdf
  wkhtmltopdf-binary-ng

CHECKSUMS
  actioncable (7.2.2.1) sha256=5b3b885075a80767d63cbf2b586cbf82466a241675b7985233f957abb01bffb4
  actionmailbox (7.2.2.1) sha256=896a47c2520f4507c75dde67c6ea1f5eec3a041fe7bfbf3568c4e0149a080e25
  actionmailer (7.2.2.1) sha256=b02ae523c32c8ad762d4db941e76f3c108c106030132247ee7a7b8c86bc7b21f
  actionpack (7.2.2.1) sha256=17b2160a7bcbd5a569d06b1ae54a4bb5ccc7ba0815d73ff5768100a79dc1f734
  actiontext (7.2.2.1) sha256=f369cee41a6674b697bf9257d917a3dce575a2c89935af437b432d6737a3f0d6
  actionview (7.2.2.1) sha256=69fc880cf3d8b1baf21b048cf7bb68f1eef08760ff8104d7d60a6a1be8b359a5
  activejob (7.2.2.1) sha256=f2f95a8573b394aa4f7c24843f0c4a6065c073a5c64d6f15ecd98d98c2c23e5b
  activemodel (7.2.2.1) sha256=8398861f9ee2c4671a8357ab39e9b38a045fd656f6685a3dd5890c2419dbfdaf
  activerecord (7.2.2.1) sha256=79a31f71c32d5138717c2104e0ff105f5d82922247c85bdca144f2720e67fab9
  activerecord-import (2.1.0) sha256=7b1bc586c4b636e125c18f533c9ac4421dd2dbac8f4865dbf576382a338c2c94
  activestorage (7.2.2.1) sha256=b4ec35ff94d4d6656ee6952ce439c3f80e249552d49fd2d3996ee53880c5525f
  activestorage-validator (0.4.0) sha256=11313b7e3be8e6feeda39db3abec3c0a9bc7ccc5d0e9610fa6e37073de764a60
  activesupport (7.2.2.1) sha256=842bcbf8a92977f80fb4750661a237cf5dd4fdd442066b3c35e88afb488647f5
  addressable (2.8.7) sha256=462986537cf3735ab5f3c0f557f14155d778f4b43ea4f485a9deb9c8f7c58232
  after_commit_everywhere (1.6.0) sha256=c8b3409a1172e43070d2e57f4b9d7b89dce5a7f057576b748cb9fe0a0dd4d917
  ansi (1.5.0) sha256=5408253274e33d9d27d4a98c46d2998266fd51cba58a7eb9d08f50e57ed23592
  api-pagination (6.0.0) sha256=4e8918fc36b7c1cb101f37ef291cae2f69dcb3f288c3c9243b3f403cc514be85
  apparition (0.6.0)
  ast (2.4.3) sha256=954615157c1d6a382bc27d690d973195e79db7f55e9765ac7c481c60bdb4d383
  autoprefixer-rails (9.4.7) sha256=7104f54efa89e6390391bd894498a9db92bffaf74474942c4152e6dc0775ab3b
  aws-eventstream (1.3.2) sha256=7e2c3a55ca70d7861d5d3c98e47daa463ed539c349caba22b48305b8919572d7
  aws-partitions (1.1077.0) sha256=ddbc299b98a1aa4117a6e47335d3ca239572e4a4f45f27a12f4ff87148f3f202
  aws-sdk-cloudfront (1.114.0) sha256=b0b459bfe5801fcf705162894683de90f7c5c1df9b1297cdb3d22c6636e71b66
  aws-sdk-core (3.222.1) sha256=349f39840fca4300384bd6dc85a546a0ad9def81d48d1f99607a6b3ec27bcbb2
  aws-sdk-kms (1.99.0) sha256=ba292fc3ffd672532aae2601fe55ff424eee78da8e23c23ba6ce4037138275a8
  aws-sdk-rds (1.273.0) sha256=84a873b5b771c724170b4c4d64c9b9cd36a42c8f67c6af1204e787a48fe754a0
  aws-sdk-s3 (1.182.0) sha256=d0fc3579395cb6cb69bf6e975240ce031fc673190e74c8dddbdd6c18572b450d
  aws-sdk-sqs (1.93.0) sha256=ef88962de36ad6af56ef07f4ed05433debc3d427325e6cad4174a4596d936599
  aws-sigv4 (1.11.0) sha256=50a8796991a862324442036ad7a395920572b84bb6cd29b945e5e1800e8da1db
  babel-source (5.8.35) sha256=79ef222a9dcb867ac2efa3b0da35b4bcb15a4bfa67b6b2dcbf1e9a29104498d9
  babel-transpiler (0.7.0) sha256=4c06f4ad9e8e1cabe94f99e11df2f140bb72aca9ba067dbb49dc14d9b98d1570
  base64 (0.2.0) sha256=0f25e9b21a02a0cc0cea8ef92b2041035d39350946e8789c562b2d1a3da01507
  bcrypt (3.1.20) sha256=8410f8c7b3ed54a3c00cd2456bf13917d695117f033218e2483b2e40b0784099
  benchmark (0.4.0) sha256=0f12f8c495545e3710c3e4f0480f63f06b4c842cc94cec7f33a956f5180e874a
  better_errors (2.10.1) sha256=f798f1bac93f3e775925b7fcb24cffbcf0bb62ee2210f5350f161a6b75fc0a73
  bigdecimal (3.1.9) sha256=2ffc742031521ad69c2dfc815a98e426a230a3d22aeac1995826a75dabfad8cc
  bindex (0.8.1) sha256=7b1ecc9dc539ed8bccfc8cb4d2732046227b09d6f37582ff12e50a5047ceb17e
  binding_of_caller (1.0.1) sha256=2b2902abff4246ddcfbc4da9b69bc4a019e22aeb300c2ff6289a173d4b90b29a
  blocks (4.0.1) sha256=c82ca06557254772dc49e63560769624c8063bcb51cac808ac7e508e39fe323f
  bootstrap-sass (3.4.1) sha256=ba4673535eb0a8334a39a258ea8d81904832f47607069d0a1735b0937645c7df
  bootstrap-table-rails (1.11.1.1) sha256=444daf5ba9d8b642e377372beba2924ee2cbfa09559abb0ddf2e8bffb1bafc35
  builder (3.3.0) sha256=497918d2f9dca528fdca4b88d84e4ef4387256d984b8154e9d5d3fe5a9c8835f
  bullet (8.0.1) sha256=a18f7aa3a20f063a48e7a9dbcaf868bd2ede6e9b1056818ce825f74a717cd2f0
  byebug (12.0.0) sha256=d4a150d291cca40b66ec9ca31f754e93fed8aa266a17335f71bb0afa7fca1a1e
  camertron-eprun (1.1.1) sha256=9a8e337916445e62648f6a4f35d229302fc44c50549cc881bff1e296ccf9ce4b
  capybara (3.40.0) sha256=42dba720578ea1ca65fd7a41d163dd368502c191804558f6e0f71b391054aeef
  capybara-screenshot (1.0.26) sha256=816b9370a07752097c82a05f568aaf5d3b7f45c3db5d3aab2014071e1b3c0c77
  childprocess (5.1.0) sha256=9a8d484be2fd4096a0e90a0cd3e449a05bc3aa33f8ac9e4d6dcef6ac1455b6ec
  chunky_png (1.4.0) sha256=89d5b31b55c0cf4da3cf89a2b4ebc3178d8abe8cbaf116a1dba95668502fdcfe
  cldr-plurals-runtime-rb (1.1.0) sha256=2353875af89be9fac049c60891e973825b24a979eeef7274093c9ff5fd56dfa9
  cocoon (1.2.15) sha256=d08f14e69653287d7a060ee43389b8c824e55191dffbca0c5c586f38ef491f0d
  coderay (1.1.3) sha256=dc530018a4684512f8f38143cd2a096c9f02a1fc2459edcfe534787a7fc77d4b
  colorize (0.8.1) sha256=0ba0c2a58232f9b706dc30621ea6aa6468eeea120eb6f1ccc400105b90c4798c
  concurrent-ruby (1.3.5) sha256=813b3e37aca6df2a21a3b9f1d497f8cbab24a2b94cab325bffe65ee0f6cbebc6
  connection_pool (2.5.0) sha256=233b92f8d38e038c1349ccea65dd3772727d669d6d2e71f9897c8bf5cd53ebfc
  cookies_eu (1.7.8) sha256=ed40607d1d79a824c87ffe59855d744cf54ca734e674d585246d4d52cd53e66e
  crack (1.0.0) sha256=c83aefdb428cdc7b66c7f287e488c796f055c0839e6e545fec2c7047743c4a49
  crass (1.0.6) sha256=dc516022a56e7b3b156099abc81b6d2b08ea1ed12676ac7a5657617f012bd45d
  cronex (0.15.0) sha256=21c794e085fad2951c4f2e279f440340a35ba2297e0b738f22f263f69fbe2186
  css_parser (1.16.0) sha256=f70fb492254418522ea77c01d57bf64452d6c7465001926c3620d0b50289b1a2
  csv (3.3.3) sha256=7e2966befb7bdaf7d5e9b36e1de73e6a5e7a72f584f180a1726aec88a1b0a900
  daemons (1.4.1) sha256=8fc76d76faec669feb5e455d72f35bd4c46dc6735e28c420afb822fac1fa9a1d
  database_cleaner (2.1.0) sha256=1dcba26e3b1576da692fc6bac10136a4744da5bcc293d248aae19640c65d89cd
  database_cleaner-active_record (2.2.0) sha256=3228d6d8ec1f2103fd6ab468dae923424318bcfabcf5dd5b02e5fcb0c486e1c7
  database_cleaner-core (2.0.1) sha256=8646574c32162e59ed7b5258a97a208d3c44551b854e510994f24683865d846c
  date (3.4.1) sha256=bf268e14ef7158009bfeaec40b5fa3c7271906e88b196d958a89d4b408abe64f
  datetimepicker-rails (4.7.16)
  debug_inspector (1.2.0) sha256=9bdfa02eebc3da163833e6a89b154084232f5766087e59573b70521c77ea68a2
  declarative (0.0.20) sha256=8021dd6cb17ab2b61233c56903d3f5a259c5cf43c80ff332d447d395b17d9ff9
  devise (4.9.4) sha256=920042fe5e704c548aa4eb65ebdd65980b83ffae67feb32c697206bfd975a7f8
  devise-bootstrap-views (1.1.0) sha256=50a39af0656676eabea5d0eacfe74cb5016c25e20f38f333bfdac641f66d3335
  devise-i18n (1.13.0) sha256=306753c8ba4c687bdab82bc71daeab566b2286fb3f52311b88e54556f45f2f2e
  devise-jwt (0.12.1) sha256=92d54de07f7769a05df9bd838b2d0ff3a86e6311924136328e9bf7d9afa78810
  devise-two-factor (6.1.0) sha256=90389ea00e6eab999f1868311972b6f4c84e6d7d6d1e90990eea8fcaf3372c10
  diff-lcs (1.5.1) sha256=273223dfb40685548436d32b4733aa67351769c7dea621da7d9dd4813e63ddfe
  docile (1.4.0) sha256=5f1734bde23721245c20c3d723e76c104208e1aa01277a69901ce770f0ebb8d3
  domain_name (0.5.20190701) sha256=000a600454cb4a344769b2f10b531765ea7bd3a304fe47ed12e5ca1eab969851
  doorkeeper (5.8.1) sha256=6d54f3c36755d8cfcb7e4f04fbcf1ff3492c816090ad78126ec8a722c292d26c
  doorkeeper-i18n (5.2.7) sha256=df9db14564b22f8b55ce06f1d83e6bc603e6af6b0e377eb3872b5b2a42b328a3
  doorkeeper-openid_connect (1.8.11) sha256=52a9a9c03176f5fa54d04b8f5378902beff126e3423fa447288b168276b7f6d3
  dotenv (3.1.7) sha256=c670df478675d23889e657beaca6fb423228f75ce9f052a0690c0d0daa333cf3
  dotenv-rails (3.1.7) sha256=02c07b9601ad64046e196f48f6280c2cc660b073e08b30ad5c2f78b4872e9189
  drb (2.2.1) sha256=e9d472bf785f558b96b25358bae115646da0dbfd45107ad858b0bc0d935cb340
  dry-auto_inject (1.0.1) sha256=7dc28d57ea22947f6162ca897417e951e0f88ade11dff17fccd0de955b5e4d14
  dry-configurable (1.2.0) sha256=3d3b6e2f5b96853f906de62a27307463d39cc4a2d2a1999b8f47fe34b8bee4fa
  dry-core (1.0.1) sha256=f32f4245e0f54e787f3708584ed8f7545aaf8dd99072e36f169312468ec5450d
  enum_help (0.0.19) sha256=253d0a7173ebf51453b1e5a1e9fed90b04f1ce4d766e90c8fc909fe2cd68bc15
  erubi (1.13.1) sha256=a082103b0885dbc5ecf1172fede897f9ebdb745a4b97a5e8dc63953db1ee4ad9
  et-orbi (1.2.11) sha256=d26e868cc21db88280a9ec1a50aa3da5d267eb9b2037ba7b831d6c2731f5df64
  eu_central_bank (1.7.0) sha256=d538ec627025261cf00c554095e60e818b3b7c87717ed4124e87f4fdd47a06f2
  execjs (2.10.0) sha256=6bcb8be8f0052ff9d370b65d1c080f2406656e150452a0abdb185a133048450d
  factory_bot (6.5.0) sha256=6374b3a3593b8077ee9856d553d2e84d75b47b912cc24eafea4062f9363d2261
  factory_bot_rails (6.4.4) sha256=139e17caa2c50f098fddf5e5e1f29e8067352024e91ca1186d018b36589e5c88
  faker (3.5.1) sha256=1ad1fbea279d882f486059c23fe3ddb816ccd1d7052c05a45014b4450d859bfc
  faraday (2.12.2) sha256=157339c25c7b8bcb739f5cf1207cb0cefe8fa1c65027266bcbc34c90c84b9ad6
  faraday-mashify (0.1.1) sha256=b4b2bc7890d78327a271e4d64bd0156b5e4589fcd8d3e66b1b529fcef10a3eba
  faraday-multipart (1.1.0) sha256=856b0f1c7316a4d6c052dd2eef5c42f887d56d93a171fe8880da1af064ca0751
  faraday-net_http (3.4.0) sha256=a1f1e4cd6a2cf21599c8221595e27582d9936819977bbd4089a601f24c64e54a
  faraday-retry (2.3.0) sha256=7e17d1738e256cfdacadfb5558bb9a62b7b5054784fe8072c4e967c313677acc
  ffi (1.17.1) sha256=26f6b0dbd1101e6ffc09d3ca640b2a21840cc52731ad8a7ded9fb89e5fb0fc39
  ffi (1.17.1-aarch64-linux-gnu) sha256=c5d22cb545a3a691d46060f1343c461d1a8d38c3fd71b96b4cbbe6906bf1fd38
  ffi (1.17.1-aarch64-linux-musl) sha256=88b9d6ae905d21142df27c94bb300042c1aae41b67291885f600eaad16326b1d
  ffi (1.17.1-arm-linux-gnu) sha256=fe14f5ece94082f3b0e651a09008113281f2764e7ea95f522b64e2fe32e11504
  ffi (1.17.1-arm-linux-musl) sha256=df14927ca7bd9095148a7d1938bb762bbf189d190cf25d9547395ec7acc198a0
  ffi (1.17.1-arm64-darwin) sha256=a8e04f79d375742c54ee7f9fff4b4022b87200a4ec0eb082128d3b6559e67b4d
  ffi (1.17.1-x86-linux-gnu) sha256=01411c78cb3cff3c88cf67b2a7b24534e9b1638253d88581fef44c2083f6a174
  ffi (1.17.1-x86-linux-musl) sha256=02bcc7bbcff71e021ef05f43469f7c5074ab3422e415b287001bd890c9cbb1c6
  ffi (1.17.1-x86_64-darwin) sha256=0036199c290462dd7f03bc22933644c1685b7834a21788062bd5df48c72aa7a6
  ffi (1.17.1-x86_64-linux-gnu) sha256=8c0ade2a5d19f3672bccfe3b58e016ae5f159e3e2e741c856db87fcf07c903d0
  ffi (1.17.1-x86_64-linux-musl) sha256=3a343086820c96d6fbea4a5ef807fb69105b2b8174678f103b3db210c3f78401
  formatador (0.3.0) sha256=65c37ec773f3fc7faa02cd5efd9599dc72970af5ebca8041a3e5dbcf5b70f956
  fugit (1.11.1) sha256=e89485e7be22226d8e9c6da411664d0660284b4b1c08cacb540f505907869868
  gli (2.22.2) sha256=580e8d6c88b0f0f0cb8e8b2ca18c3485ed0f742cece855de46bf8e36202f5db0
  glob (0.4.0) sha256=893dc9e2d24abe13dda907ce0cda576f680ff382f2a6cf9e543f98ecbe29238c
  globalid (1.2.1) sha256=70bf76711871f843dbba72beb8613229a49429d1866828476f9c9d6ccc327ce9
  google-apis-admin_directory_v1 (0.61.0) sha256=a2d07e0dcd2c750e2b2001d466dfb8f29928457670f644a4ba18aa73deb6003b
  google-apis-core (0.16.0) sha256=046a2c30a5ec123b2a6bc5e64348be781ce5fcd18dd4e85982e7a6a8da9d0dcc
  google-cloud-env (2.2.1) sha256=3c6062aee0b5c863b83f3ce125ea7831507aadf1af7c0d384b74a116c4f649cf
  google-logging-utils (0.1.0) sha256=70950b1e49314273cf2e167adb47b62af7917a4691b580da7e9be67b9205fcd5
  google-protobuf (4.29.3) sha256=9a5576c0059f57d7e07107bda8287ac14d0c59c71fe939b260855d3f46b9b566
  google-protobuf (4.29.3-aarch64-linux) sha256=2b670a80eac7377f6055a48caa8db52561195a80718e0ea8289e8c8aeb4b2502
  google-protobuf (4.29.3-arm64-darwin) sha256=c0fc9a33e674d08a72f12565e27b888d3c22cb03a20731e83c015fc58719a407
  google-protobuf (4.29.3-x86-linux) sha256=d4e7406c9830e520504ea96aaf6daa55ce436dd403fa2c09b10c4b0fe4ae3023
  google-protobuf (4.29.3-x86_64-darwin) sha256=2d1051fd88ca2c7f6a09d2f12feabe8ded7b13f049799423b62d83ee88f968b4
  google-protobuf (4.29.3-x86_64-linux) sha256=4ac194b06c59559457ce1d1d57d03760b50e009dbcfe5ef065a1af48ce4a2d0e
  googleauth (1.13.1) sha256=33448ce662e40afeb3e6db5eb9f4ee712467b1701f3857ef9c0aecac8447eca0
  guard (2.18.0) sha256=12f2b801a0c8d41e7480ab5c2c4283e439fbe0ac7574a0da1dee82ec484a1eff
  guard-compat (1.2.1) sha256=3ad21ab0070107f92edfd82610b5cdc2fb8e368851e72362ada9703443d646fe
  guard-rspec (4.7.3) sha256=a47ba03cbd1e3c71e6ae8645cea97e203098a248aede507461a43e906e2f75ca
  hashdiff (1.1.2) sha256=2c30eeded6ed3dce8401d2b5b99e6963fe5f14ed85e60dd9e33c545a44b71a77
  hashie (5.0.0) sha256=9d6c4e51f2a36d4616cbc8a322d619a162d8f42815a792596039fc95595603da
  highline (3.1.2) sha256=67cbd34d19f6ef11a7ee1d82ffab5d36dfd5b3be861f450fc1716c7125f4bb4a
  hiredis (0.6.3) sha256=7f052e320f7d24b5c2a9fdf67c6ff6facdf6e256394a703511bce34ecf445212
  htmlentities (4.3.4) sha256=125a73c6c9f2d1b62100b7c3c401e3624441b663762afa7fe428476435a673da
  http-accept (1.7.0) sha256=c626860682bfbb3b46462f8c39cd470fd7b0584f61b3cc9df5b2e9eb9972a126
  http-cookie (1.0.3) sha256=2f11269d817bc52ab2af2721e89a377660a961078de2a3a55fc696d7897e8c00
  http_accept_language (2.1.1) sha256=0043f0d55a148cf45b604dbdd197cb36437133e990016c68c892d49dbea31634
  httpclient (2.9.0) sha256=4b645958e494b2f86c2f8a2f304c959baa273a310e77a2931ddb986d83e498c8
  i18n (1.14.7) sha256=ceba573f8138ff2c0915427f1fc5bdf4aa3ab8ae88c8ce255eb3ecf0a11a5d0f
  i18n-country-translations (1.4.1)
  i18n-js (4.2.3) sha256=ffb1a6d34afebd9ab2aff9bd86e8f2873191cbe8b9ac5c2c8efe4dfa1107ca3b
  i18n-spec (0.6.0) sha256=38780cdded08582a2e8953e8574ab9e5a3fad2601fb5aa62d58295399b9956d0
  i18n-tasks (1.0.15) sha256=74f3e9e0e2db5d757c58e659f4269ee698c7a7532ed29066a2aaffc9efbdfb56
  icalendar (2.10.3) sha256=0ebfc2672f9fa77b86b4d8c0e25e9b2319aad45a33319fed06d0be8ddd0cd485
  ice_cube (0.17.0) sha256=32deb45dda4b4acc53505c2f581f6d32b5afc04d29b9004769944a0df5a5fcbe
  image_processing (1.14.0) sha256=754cc169c9c262980889bec6bfd325ed1dafad34f85242b5a07b60af004742fb
  iniparse (1.5.0) sha256=36a165e98d8a250b7631c4a7f9afba32af78f089970cd6446a39771189c761f1
  io-console (0.8.0) sha256=cd6a9facbc69871d69b2cb8b926fc6ea7ef06f06e505e81a64f14a470fddefa2
  irb (1.15.1) sha256=d9bca745ac4207a8b728a52b98b766ca909b86ff1a504bcde3d6f8c84faae890
  iso (0.4.0)
  jaro_winkler (1.6.0) sha256=8b081ab4ba7da5d16b438e62c4be58b87724bfeeb1527e62603f05ab0a2cc424
  jbuilder (2.13.0) sha256=7200a38a1c0081aa81b7a9757e7a299db75bc58cf1fd45ca7919a91627d227d6
  jmespath (1.6.2) sha256=238d774a58723d6c090494c8879b5e9918c19485f7e840f2c1c7532cf84ebcb1
  js_cookie_rails (2.2.0) sha256=06e6b27ee093945c3acf3982d2dbf9e9117d1130f33bb07e1660ebea68229c62
  json (2.10.2) sha256=34e0eada93022b2a0a3345bb0b5efddb6e9ff5be7c48e409cfb54ff8a36a8b06
  json-schema (5.1.1) sha256=b3829ad9bcdfc5010d8a160c4c2bebb8fed8d05d22de65648f6ba646b071f9bf
  jwt (2.10.1) sha256=e6424ae1d813f63e761a04d6284e10e7ec531d6f701917fadcd0d9b2deaf1cc5
  kaminari (1.2.2) sha256=c4076ff9adccc6109408333f87b5c4abbda5e39dc464bd4c66d06d9f73442a3e
  kaminari-actionview (1.2.2) sha256=1330f6fc8b59a4a4ef6a549ff8a224797289ebf7a3a503e8c1652535287cc909
  kaminari-activerecord (1.2.2) sha256=0dd3a67bab356a356f36b3b7236bcb81cef313095365befe8e98057dd2472430
  kaminari-core (1.2.2) sha256=3bd26fec7370645af40ca73b9426a448d09b8a8ba7afa9ba3c3e0d39cdbb83ff
  kaminari-i18n (0.5.0) sha256=f20efcd31370f07eb423defdb296b8e05e48c8bc897655c636bc1b69b0fbe252
  language_server-protocol (3.17.0.4) sha256=c484626478664fd13482d8180947c50a8590484b1258b99b7aedb3b69df89669
  launchy (3.1.1) sha256=72b847b5cc961589dde2c395af0108c86ff0119f42d4648d25b5440ebb10059e
  lint_roller (1.1.0) sha256=2c0c845b632a7d172cb849cc90c1bce937a28c5c8ccccb50dfd46a485003cc87
  listen (3.6.0) sha256=f095d31f66f8cef7142d0658697961900f3ee3d3223980a3bc8ca9a449f307b7
  logger (1.7.0) sha256=196edec7cc44b66cfb40f9755ce11b392f21f7967696af15d274dde7edff0203
  loofah (2.24.0) sha256=61e6a710883abb8210887f3dc868cf3ed66594c509d9ff6987621efa6651ee1e
  lumberjack (1.2.8) sha256=48ad39dd8869e8f16c18c4acdc90c14658d8684c035da1f74bec7a38c45afe1a
  mail (2.8.1) sha256=ec3b9fadcf2b3755c78785cb17bc9a0ca9ee9857108a64b6f5cfc9c0b5bfc9ad
  mail_form (1.10.1) sha256=4c652cbb2281a598c0516742b2273f1dc673e6f009c0b83297f60e38609f8a54
  marcel (1.0.4) sha256=0d5649feb64b8f19f3d3468b96c680bae9746335d02194270287868a661516a4
  matrix (0.4.2) sha256=71083ccbd67a14a43bfa78d3e4dc0f4b503b9cc18e5b4b1d686dc0f9ef7c4cc0
  method_source (1.0.0) sha256=d779455a2b5666a079ce58577bfad8534f571af7cec8107f4dce328f0981dede
  mime-types (3.3.1) sha256=708f737e28ceef48b9a1bc041aa9eec46fa36eb36acb95e6b64a9889131541fe
  mime-types-data (3.2021.0704) sha256=9ecd5aa031d5483156cd7a4e7d1956881d75f7ed8c08d487900df8580ee39d36
  mini_magick (5.2.0) sha256=2757ffbfdb1d38242d1da9ff1505360ab75d59dc02eb7ab79ff6d5acb1243f4a
  mini_mime (1.1.5) sha256=8681b7e2e4215f2a159f9400b5816d85e9d8c6c6b491e96a12797e798f8bccef
  mini_portile2 (2.8.8) sha256=8e47136cdac04ce81750bb6c09733b37895bf06962554e4b4056d78168d70a75
  minitest (5.25.5) sha256=391b6c6cb43a4802bfb7c93af1ebe2ac66a210293f4a3fb7db36f2fc7dc2c756
  momentjs-rails (2.29.4.1)
  monetize (1.11.0) sha256=d6c506daf4da0f424caa74cad1283fb82133607e504c631fc08eafd67d15ca32
  money (6.16.0) sha256=cf476f5f19188e247ec20f6509cff64dc35d395ee018bad799b1a9ea8bd4754a
  money-currencylayer-bank (0.7.2) sha256=ba848e535ca21ef50386f1a535e1ac5fd9ee7cfd014ac30afcd4a6ebd8b9be4f
  money-rails (1.15.0) sha256=cace7c3af76a0685747f57b96fdb321a4d966294e0a11b51f8e28c3ac08e4903
  multi_json (1.15.0) sha256=1fd04138b6e4a90017e8d1b804c039031399866ff3fbabb7822aea367c78615d
  multi_xml (0.6.0) sha256=d24393cf958adb226db884b976b007914a89c53ad88718e25679d7008823ad52
  multipart-post (2.4.1) sha256=9872d03a8e552020ca096adadbf5e3cb1cd1cdd6acd3c161136b8a5737cdb4a8
  mutex_m (0.3.0) sha256=cfcb04ac16b69c4813777022fdceda24e9f798e48092a2b817eb4c0a782b0751
  mysql2 (0.5.6) sha256=70f447d45d6b3cc16b00f7dd30366f708a81b4093a35d026ff7135d778d8da33
  nenv (0.3.0) sha256=d9de6d8fb7072228463bf61843159419c969edb34b3cef51832b516ae7972765
  net-http (0.6.0) sha256=9621b20c137898af9d890556848c93603716cab516dc2c89b01a38b894e259fb
  net-imap (0.5.6) sha256=1ede8048ee688a14206060bf37a716d18cb6ea00855f6c9b15daee97ee51fbe5
  net-pop (0.1.2) sha256=848b4e982013c15b2f0382792268763b748cce91c9e91e36b0f27ed26420dff3
  net-protocol (0.2.2) sha256=aa73e0cba6a125369de9837b8d8ef82a61849360eba0521900e2c3713aa162a8
  net-smtp (0.5.0) sha256=5fc0415e6ea1cc0b3dfea7270438ec22b278ca8d524986a3ae4e5ae8d087b42a
  netrc (0.11.0) sha256=de1ce33da8c99ab1d97871726cba75151113f117146becbe45aa85cb3dabee3f
  newrelic_rpm (9.17.0) sha256=00e3c4166654d4492dea2079f4c1dea2b1f26af0b2af27680b39f8ad3daa0632
  nio4r (2.7.4) sha256=d95dee68e0bb251b8ff90ac3423a511e3b784124e5db7ff5f4813a220ae73ca9
  nokogiri (1.18.6) sha256=4d283431d7829719ea1287ca388f24c6ce343af736bbcbd1365cbdb83bce41a4
  nokogiri (1.18.6-aarch64-linux-gnu) sha256=1b11f9a814068282cc2b47ebe61395b2a69d1918092d2ca3bd664074f72540e9
  nokogiri (1.18.6-aarch64-linux-musl) sha256=797662f201c37a8feac3bd5b0c0e3447053bc71e6633d273fefd4c68b03e6a54
  nokogiri (1.18.6-arm-linux-gnu) sha256=2da07a07ef4c9d9e9da809b3dc0937ed90b031e32c2c658d9918941b85d68b95
  nokogiri (1.18.6-arm-linux-musl) sha256=e8ae1c9a4d8cfa7a92d632a6f596a88235ebe66d4b70418543378ba16c601f70
  nokogiri (1.18.6-arm64-darwin) sha256=727a441d179d934b4b7c73e0e28e6723ee46463d96bb0cc6e2e33a13540962c4
  nokogiri (1.18.6-x86_64-darwin) sha256=fb72568c97ccd90a8d68cb765b0ff0720b109bd62e3babbf372e854ef8fef995
  nokogiri (1.18.6-x86_64-linux-gnu) sha256=df065db6ba6e1e80f76ef04f860fcf260cc24685125fe33cdc3d1572a1c66b71
  nokogiri (1.18.6-x86_64-linux-musl) sha256=75ec7a93cec54687aa63b2eaf830dc4ac5b4f3d8c969f20c035e67c9e6a30cef
  notiffany (0.1.3) sha256=d37669605b7f8dcb04e004e6373e2a780b98c776f8eb503ac9578557d7808738
  oauth2 (2.0.9) sha256=b21f9defcf52dc1610e0dfab4c868342173dcd707fd15c777d9f4f04e153f7fb
  octokit (9.2.0) sha256=4fa47ff35ce654127edf2c836ab9269bcc8829f5542dc1e86871f697ce7f4316
  oga (3.4) sha256=953039cd7be8dc50dfdafe052588e369c707ff1a82e06980b90944e1a1061b6d
  openssl (3.3.0) sha256=ff3a573fc97ab30f69483fddc80029f91669bf36532859bd182d1836f45aee79
  orm_adapter (0.5.0) sha256=aa5d0be5d540cbb46d3a93e88061f4ece6a25f6e97d6a47122beb84fe595e9b9
  os (1.1.4) sha256=57816d6a334e7bd6aed048f4b0308226c5fb027433b67d90a9ab435f35108d3f
  ostruct (0.6.1) sha256=09a3fb7ecc1fa4039f25418cc05ae9c82bd520472c5c6a6f515f03e4988cb817
  overcommit (0.67.1) sha256=c71a842dd65f9fe6e4d288979f005af974ea4622126f276740ab0a8820b001c5
  package_json (0.1.0) sha256=20af98c0e45dadcd48b6f45a3324e948f578e7549365671b97faca4637770256
  parallel (1.26.3) sha256=d86babb7a2b814be9f4b81587bf0b6ce2da7d45969fab24d8ae4bf2bb4d4c7ef
  parser (3.3.7.4) sha256=2b26282274280e13f891080dc4ef3f65ce658d62e13255b246b28ec6754e98ab
  pp (0.6.2) sha256=947ec3120c6f92195f8ee8aa25a7b2c5297bb106d83b41baa02983686577b6ff
  premailer (1.22.0) sha256=538935ebc4a75bfdd1aa624bd348e54986902b6caf08ceaaa6297fc7388227da
  premailer-rails (1.12.0) sha256=c13815d161b9bc7f7d3d81396b0bb0a61a90fa9bd89931548bf4e537c7710400
  prettyprint (0.2.0) sha256=2bc9e15581a94742064a3cc8b0fb9d45aae3d03a1baa6ef80922627a0766f193
  prism (1.4.0) sha256=dc0e3e00e93160213dc2a65519d9002a4a1e7b962db57d444cf1a71565bb703e
  pry (0.14.1) sha256=99b6df0665875dd5a39d85e0150aa5a12e2bb4fef401b6c4f64d32ee502f8454
  psych (5.2.3) sha256=84a54bb952d14604fea22d99938348814678782f58b12648fcdfa4d2fce859ee
  public_suffix (6.0.1) sha256=61d44e1cab5cbbbe5b31068481cf16976dd0dc1b6b07bd95617ef8c5e3e00c6f
  puma (6.6.0) sha256=f25c06873eb3d5de5f0a4ebc783acc81a4ccfe580c760cfe323497798018ad87
  raabro (1.4.0) sha256=d4fa9ff5172391edb92b242eed8be802d1934b1464061ae5e70d80962c5da882
  racc (1.8.1) sha256=4a7f6929691dbec8b5209a0b373bc2614882b55fc5d2e447a21aaa691303d62f
  rack (3.1.12) sha256=00d83055c89273eb13679ab562767b8826955aa6c4371d7d161deb975c50c540
  rack-cors (2.0.2) sha256=415d4e1599891760c5dc9ef0349c7fecdf94f7c6a03e75b2e7c2b54b82adda1b
  rack-proxy (0.7.7) sha256=446a4b57001022145d5c3ba73b775f66a2260eaf7420c6907483141900395c8a
  rack-session (2.1.0) sha256=437c3916535b58ef71c816ce4a2dee0a01c8a52ae6077dc2b6cd19085760a290
  rack-test (2.2.0) sha256=005a36692c306ac0b4a9350355ee080fd09ddef1148a5f8b2ac636c720f5c463
  rackup (2.2.1) sha256=f737191fd5c5b348b7f0a4412a3b86383f88c43e13b8217b63d4c8d90b9e798d
  rails (7.2.2.1) sha256=aedb1604b40f4e43b5e8066e5a1aa34dae02c33aa9669b21fd4497d0f8c9bb40
  rails-controller-testing (1.0.5) sha256=741448db59366073e86fc965ba403f881c636b79a2c39a48d0486f2607182e94
  rails-dom-testing (2.2.0) sha256=e515712e48df1f687a1d7c380fd7b07b8558faa26464474da64183a7426fa93b
  rails-html-sanitizer (1.6.2) sha256=35fce2ca8242da8775c83b6ba9c1bcaad6751d9eb73c1abaa8403475ab89a560
  rails-i18n (7.0.10) sha256=efae16e0ac28c0f42e98555c8db1327d69ab02058c8b535e0933cb106dd931ca
  railties (7.2.2.1) sha256=e3f11bf116dd6d0d874522843ccc70ec0f89fbfed3e9c2ee48a4778cd042fe1f
  rainbow (3.1.1) sha256=039491aa3a89f42efa1d6dec2fc4e62ede96eb6acd95e52f1ad581182b79bc6a
  rake (13.2.1) sha256=46cb38dae65d7d74b6020a4ac9d48afed8eb8149c040eccf0523bec91907059d
  rake-compiler-dock (1.9.1) sha256=e73720a29aba9c114728ce39cc0d8eef69ba61d88e7978c57bac171724cd4d53
  rb-fsevent (0.11.0) sha256=3a02b6360c856cc16e7f62382573b238f5cfb61a48169dd4c83b842c094b5de3
  rb-inotify (0.10.1) sha256=050062d4f31d307cca52c3f6a7f4b946df8de25fc4bd373e1a5142e41034a7ca
  rb_sys (0.9.110) sha256=8993fd1f49b5f6b394b49dafda77fb5c635458637f8effe508cca78ebc03427d
  rdoc (6.12.0) sha256=7d6f706e070bffa5d18a448f24076cbfb34923a99c1eab842aa18e6ca69f56e0
  react-rails (3.2.1) sha256=2235db0b240517596b1cb3e26177ab5bc64d3a56579b0415ee242b1691f81f64
  recaptcha (5.19.0) sha256=b69c021a5b788da06901d2c95ab86f10a8634e6496343096cc5167f0318b2a39
  redcarpet (3.6.1) sha256=d444910e6aa55480c6bcdc0cdb057626e8a32c054c29e793fa642ba2f155f445
  redis (5.4.0) sha256=798900d869418a9fc3977f916578375b45c38247a556b61d58cba6bb02f7d06b
  redis-client (0.24.0) sha256=ee65ee39cb2c38608b734566167fd912384f3c1241f59075e22858f23a085dbb
  regexp_parser (2.10.0) sha256=cb6f0ddde88772cd64bff1dbbf68df66d376043fe2e66a9ef77fcb1b0c548c61
  reline (0.6.0) sha256=57620375dcbe56ec09bac7192bfb7460c716bbf0054dc94345ecaa5438e539d2
  representable (3.2.0) sha256=cc29bf7eebc31653586849371a43ffe36c60b54b0a6365b5f7d95ec34d1ebace
  responders (3.1.1) sha256=92f2a87e09028347368639cfb468f5fefa745cb0dc2377ef060db1cdd79a341a
  rest-client (2.1.0) sha256=35a6400bdb14fae28596618e312776c158f7ebbb0ccad752ff4fa142bf2747e3
  retriable (3.1.2) sha256=0a5a5d0ca4ba61a76fb31a17ab8f7f80281beb040c329d34dfc137a1398688e0
  rexml (3.4.1) sha256=c74527a9a0a04b4ec31dbe0dc4ed6004b960af943d8db42e539edde3a871abca
  rotp (6.3.0) sha256=75d40087e65ed0d8022c33055a6306c1c400d1c12261932533b5d6cbcd868854
  rouge (4.1.2) sha256=3b4ca60e4ac6e36be2deb0359cba04278ba15bdd2b1fbbb66bbc19cae517d55f
  rqrcode (2.2.0) sha256=23eea88bb44c7ee6d6cab9354d08c287f7ebcdc6112e1fe7bcc2d010d1ffefc1
  rqrcode_core (1.2.0) sha256=cf4989dc82d24e2877984738c4ee569308625fed2a810960f1b02d68d0308d1a
  rspec (3.13.0) sha256=d490914ac1d5a5a64a0e1400c1d54ddd2a501324d703b8cfe83f458337bab993
  rspec-core (3.13.3) sha256=25136507f4f9cf2e8977a2851e64e438b4331646054e345998714108745cdfe4
  rspec-expectations (3.13.3) sha256=0e6b5af59b900147698ea0ff80456c4f2e69cac4394fbd392fbd1ca561f66c58
  rspec-mocks (3.13.2) sha256=2327335def0e1665325a9b617e3af9ae20272741d80ac550336309a7c59abdef
  rspec-rails (7.1.1) sha256=e15dccabed211e2fd92f21330c819adcbeb1591c1d66c580d8f2d8288557e331
  rspec-retry (0.6.2) sha256=6101ba23a38809811ae3484acde4ab481c54d846ac66d5037ccb40131a60d858
  rspec-support (3.13.2) sha256=cea3a2463fd9b84b9dcc9685efd80ea701aa8f7b3decb3b3ce795ed67737dbec
  rubocop (1.75.1) sha256=c12900c55b0b52e6ed1384f7f7575beb92047019ce37ca14b9572d80239adc29
  rubocop-ast (1.43.0) sha256=92cd649e336ce10212cb2f2b29028f487777ecc477f108f437a1dce1ee3db79a
  rubocop-capybara (2.22.1) sha256=ced88caef23efea53f46e098ff352f8fc1068c649606ca75cb74650970f51c0c
  rubocop-factory_bot (2.27.1) sha256=9d744b5916778c1848e5fe6777cc69855bd96548853554ec239ba9961b8573fe
  rubocop-performance (1.24.0) sha256=e5bd39ff3e368395b9af886927cc37f5892f43db4bd6c8526594352d5b4440b5
  rubocop-rails (2.30.3) sha256=fc5a6506daa916d15e282cc806943afa64a020bf592b93a94025d89a2a78a715
  rubocop-rake (0.7.1) sha256=3797f2b6810c3e9df7376c26d5f44f3475eda59eb1adc38e6f62ecf027cbae4d
  rubocop-rspec (3.5.0) sha256=710c942fe1af884ba8eea75cbb8bdbb051929a2208880a6fc2e2dce1eed5304c
  rubocop-rspec_rails (2.31.0) sha256=775375e18a26a1184a812ef3054b79d218e85601b9ae897f38f8be24dddf1f45
  rubocop-thread_safety (0.7.2) sha256=bd51449c420b1ddda5672b71a39706367402beb55aaf19fc020c1868717f31f6
  ruby-ll (2.1.2) sha256=167fd5254f2dc765d63ca5cfee8806edd14e81069e5f1312f9ac61ee559d3c43
  ruby-progressbar (1.13.0) sha256=80fc9c47a9b640d6834e0dc7b3c94c9df37f08cb072b7761e4a71e22cff29b33
  ruby-vips (2.2.3) sha256=41d12b1a805cd6ead4a7965201a8f7c5fe459bb58d3a7d967c9eb0719a6edc92
  sass-embedded (1.85.0) sha256=64ebaad611b6d5ffc84103e5933e469ae7ccd3efb605b91da80dd453b1f00f2d
  sass-embedded (1.85.0-aarch64-linux-android) sha256=9c7daf5c1397e64099824424a33c17bd96e59322f7a43c7b9d34c5ce318b9526
  sass-embedded (1.85.0-aarch64-linux-gnu) sha256=d1741ce084e853d927563e24fde288ad2f347adf38a28d9a14846c24a733f112
  sass-embedded (1.85.0-aarch64-linux-musl) sha256=156c7c272c7354670a237e44c8b4886b77b56154437d6609b6b79a8e4611e2cd
  sass-embedded (1.85.0-aarch64-mingw-ucrt) sha256=8d8c67f0663b665f04ce1641d9b43650dd7d8405235ac7a230ed8dbbb16dacef
  sass-embedded (1.85.0-arm-linux-androideabi) sha256=385b42ab2a2de72d7fb20335d81404fa5dac3952911bccf47a290c4116edd2f0
  sass-embedded (1.85.0-arm-linux-gnueabihf) sha256=f789814c42f8dc0095c809a98999a96eb514314a57951f7415733288e9cc890a
  sass-embedded (1.85.0-arm-linux-musleabihf) sha256=4f882a806acc525a26dc8772d3256711b4231cbaa87c966d19a1bf1e4748bac8
  sass-embedded (1.85.0-arm64-darwin) sha256=85c6bb983854dac1ac9a6215883ae766c533ea7cdf187fe502aa904c085389af
  sass-embedded (1.85.0-riscv64-linux-android) sha256=ac6a214229b81ddd3c89ec5736ebe82e8dc039d2f3fa45c046076bcc42d0359b
  sass-embedded (1.85.0-riscv64-linux-gnu) sha256=1c4f7222214c35c176c9d7a843f6d77a345cba0260ab3f4cb7895f57834fbd55
  sass-embedded (1.85.0-riscv64-linux-musl) sha256=f0d1ea90557e9035626333065c8a182ff2ad62168f7afba198c3c5d53f43e692
  sass-embedded (1.85.0-x86_64-cygwin) sha256=069e39d26d020a8f41d1c892da031d1d306c5ca21b427fe2f13af5f95b9a9c05
  sass-embedded (1.85.0-x86_64-darwin) sha256=aeb51e152c0b7fcfe5467b8c069f49d5b9ab42143ca25c8bb435658455c6f047
  sass-embedded (1.85.0-x86_64-linux-android) sha256=342962704d631c367d4c14cdb9b80befd66c5982f9e4ed4eb5c97d39d85c59a4
  sass-embedded (1.85.0-x86_64-linux-gnu) sha256=30e2b01b9d487cce2a421c5dda7bc2d0f64b52450174bde83fe3a299789e4294
  sass-embedded (1.85.0-x86_64-linux-musl) sha256=ca01931c54b59db1130a779386bcfc798f8dcfee1f98f60fbcf8c5dbdc0f9c23
  sass-rails (6.0.0) sha256=e0b6448ea1c7929fd5929fc7a8eb2d78045e44cc82fc0765a249d3fa1c5810d3
  sassc (2.4.0) sha256=4c60a2b0a3b36685c83b80d5789401c2f678c1652e3288315a1551d811d9f83e
  sassc-embedded (1.80.4) sha256=1555fc147ff4f51d847afffd24d641793b0dc1c7ecee8921e6fd667bf2fa2769
  sassc-rails (2.1.2) sha256=5f4fdf3881fc9bdc8e856ffbd9850d70a2878866feae8114aa45996179952db5
  sawyer (0.9.2) sha256=fa3a72d62a4525517b18857ddb78926aab3424de0129be6772a8e2ba240e7aca
  sdoc (2.6.1) sha256=d78305be6fe9f81cb93787c24f8c2d47e418c2f1de2e7ff75c032d465fe3c5f8
  securerandom (0.4.1) sha256=cc5193d414a4341b6e225f0cb4446aceca8e50d5e1888743fac16987638ea0b1
  seedbank (0.5.0) sha256=9840c0bf3427ac9ac0815feceeceeeac76dc89039503d393a7e220184855f437
  selectize-rails (0.12.1)
  semantic_range (3.1.0) sha256=9fc01ee40f2e5f81042e95d421837f688177dd603753b5eab41ff9bba50a34a1
  shakapacker (8.2.0) sha256=52725d578889e959268ec59a99b1db204835b066a2d72bd032440aa299ee2462
  shellany (0.0.1) sha256=0e127a9132698766d7e752e82cdac8250b6adbd09e6c0a7fbbb6f61964fedee7
  shoryuken (6.2.1) sha256=95ddc0a717624a54e799d25a0a05100cb5a0c3728a96211935c214faaf16b3b6
  sidekiq (8.0.1) sha256=9c5864c2b15452e4e6e243946627f48c72d42886ed3bab953209114aeaf754af
  sidekiq-cron (2.2.0) sha256=4de604412a733036130bd5f5fac12f31102f027c67aa21980b60c00eb2dfec41
  signet (0.19.0) sha256=537f3939f57f141f691e6069a97ec40f34fadafc4c7e5ba94edb06cf4350dd31
  simple_form (5.3.1) sha256=3891a36a89a7f8c69f1361624c5357591578a9e9c318257cd7b9cc7b6ce47460
  simplecov (0.22.0) sha256=fe2622c7834ff23b98066bb0a854284b2729a569ac659f82621fc22ef36213a5
  simplecov-html (0.12.3) sha256=4b1aad33259ffba8b29c6876c12db70e5750cb9df829486e4c6e5da4fa0aa07b
  simplecov-lcov (0.8.0) sha256=0115f31cb7ef5ec4334f5d9382c67fd43de2e5270e21b65bfc693da82dd713c1
  simplecov_json_formatter (0.1.4) sha256=529418fbe8de1713ac2b2d612aa3daa56d316975d307244399fa4838c601b428
  simpleidn (0.2.1) sha256=35dda985b761dff5751fefa7fba02e477427c975d47b11c4c4ffaf01afe1c719
  slack-ruby-client (2.5.2) sha256=afe3c9ddee00ca6bdf8871fe96cefff4dd746ecc51f70f7e290303a4a3903c93
  snaky_hash (2.0.1) sha256=1ac87ec157fcfe7a460e821e0cd48ae1e6f5e3e082ab520f03f31a9259dbdc31
  spring (4.3.0) sha256=0aaaf3bcce38e8528275854881d1922660d76cbd19a9a3af4a419d95b7fe7122
  spring-commands-rspec (1.0.4) sha256=6202e54fa4767452e3641461a83347645af478bf45dddcca9737b43af0dd1a2c
  sprockets (4.2.1) sha256=951b13dd2f2fcae840a7184722689a803e0ff9d2702d902bd844b196da773f97
  sprockets-rails (3.5.2) sha256=a9e88e6ce9f8c912d349aa5401509165ec42326baf9e942a85de4b76dbc4119e
  starburst (2.0.0.rc0)
  stringio (3.1.5) sha256=bca92461515a131535743bc81d5559fa1de7d80cff9a654d6c0af6f9f27e35c8
  strip_attributes (2.0.0) sha256=7f3c914c9562043fd13b13981d7780d93dcaa2d8c34a542860f32f99e1671a41
  stripe (13.5.0) sha256=a009e71b5b8f58596ba0197775ed760aaa06be8d0f61b5f3c8a3bac20812cbf5
  superconfig (2.2.1) sha256=2e56e8e068c49daaf481547dd07961abcb18a49ba4dc0fc725193bcbbe2ee8b5
  terminal-table (4.0.0) sha256=f504793203f8251b2ea7c7068333053f0beeea26093ec9962e62ea79f94301d2
  terser (1.2.5) sha256=f1e49770b61af6897770217f87c6574d5e6f81881712fb0fc6a609bab0ccbfa7
  thor (1.3.2) sha256=eef0293b9e24158ccad7ab383ae83534b7ad4ed99c09f96f1a6b036550abbeda
  tilt (2.3.0) sha256=82dd903d61213c63679d28e404ee8e10d1b0fdf5270f1ad0898ec314cc3e745c
  time_will_tell (0.1.0)
  timecop (0.9.10) sha256=12ba45ce57cdcf6b1043cb6cdffa6381fd89ce10d369c28a7f6f04dc1b0cd8eb
  timeout (0.4.3) sha256=9509f079b2b55fe4236d79633bd75e34c1c1e7e3fb4b56cb5fda61f80a0fe30e
  trailblazer-option (0.1.2) sha256=20e4f12ea4e1f718c8007e7944ca21a329eee4eed9e0fa5dde6e8ad8ac4344a3
  translighterate (0.3.0) sha256=484ec67fab8c7ad5666aa9b1892b9c704446364805f576fabaefca553a4aff82
  twitter_cldr (6.14.0) sha256=5d18c23097008bcda542a260535766fdfc49d982d5eedf2486d19f368aa8c7a4
  tzf (1.2.0) sha256=414d03e8006ca8098e3ea676fc19f7a8c926d1d8fc30ba84f7ff8e044879268a
  tzinfo (2.0.6) sha256=8daf828cc77bcf7d63b0e3bdb6caa47e2272dcfaf4fbfe46f8c3a9df087a829b
  uber (0.1.0) sha256=5beeb407ff807b5db994f82fa9ee07cfceaa561dad8af20be880bc67eba935dc
  unf (0.1.4) sha256=4999517a531f2a955750f8831941891f6158498ec9b6cb1c81ce89388e63022e
  unf_ext (0.0.9.1) sha256=926114a858934126c6bbfd3254347dadb5dae354711869368c0f75e3765fc6e9
  unicode (0.4.4.5) sha256=42f294bfc8e186d29da89d1f766071505a20a22776168a31bb3408e03fa7a9d7
  unicode-display_width (3.1.4) sha256=8caf2af1c0f2f07ec89ef9e18c7d88c2790e217c482bfc78aaa65eadd5415ac1
  unicode-emoji (4.0.4) sha256=2c2c4ef7f353e5809497126285a50b23056cc6e61b64433764a35eff6c36532a
  uniform_notifier (1.16.0) sha256=99b39ee4a0864e3b49f375b5e5803eb26d35ed6eb1719c96407573a87bc4dbb5
  uri (1.0.3) sha256=e9f2244608eea2f7bc357d954c65c910ce0399ca5e18a7a29207ac22d8767011
  useragent (0.16.11) sha256=700e6413ad4bb954bb63547fa098dddf7b0ebe75b40cc6f93b8d54255b173844
  valid_email (0.2.1) sha256=79b06a7cc67a4aaeac731c940df775c4092623c455667e86d2a706acd3e9604f
  vault (0.18.2) sha256=29346c2d8364c19effb548b7a8952bf187545b99b70d1ddde76bd6c69046d27c
  version_gem (1.1.1) sha256=3c2da6ded29045ddcc0387e152dc634e1f0c490b7128dce0697ccc1cf0915b6c
  warden (1.2.9) sha256=46684f885d35a69dbb883deabf85a222c8e427a957804719e143005df7a1efd0
  warden-jwt_auth (0.10.0) sha256=9bbdcb035e34f59f06b731833c53d9cb4821b96efe8fa76936c2c35b3402912e
  wca_i18n (0.4.4) sha256=33830f157616a33d10918d4f9e9c1c17e4311731832f19153c3cfcbb51233461
  web-console (4.2.1) sha256=e7bcf37a10ea2b4ec4281649d1cee461b32232d0a447e82c786e6841fd22fe20
  webmock (3.25.1) sha256=ab9d5d9353bcbe6322c83e1c60a7103988efc7b67cd72ffb9012629c3d396323
  websocket-driver (0.7.6) sha256=f69400be7bc197879726ad8e6f5869a61823147372fd8928836a53c2c741d0db
  websocket-extensions (0.1.5) sha256=1c6ba63092cda343eb53fc657110c71c754c56484aad42578495227d717a8241
  wicked_pdf (2.8.2) sha256=648d9b0cec5a34adbc9bbf809731052a78119e2d6d323b9e4aa1383e1d683824
  wkhtmltopdf-binary-ng (0.12.6.6) sha256=4d10982639aa674b656f0f4fdf9c2cc435bb57fb1548728ebf8ee2e1f127819f
  xpath (3.2.0) sha256=6dfda79d91bb3b949b947ecc5919f042ef2f399b904013eb3ef6d20dd3a4082e
  zeitwerk (2.7.2) sha256=842e067cb11eb923d747249badfb5fcdc9652d6f20a1f06453317920fdcd4673

BUNDLED WITH
   2.6.6
