GIT
  remote: https://github.com/derekprior/momentjs-rails.git
  revision: de473b81db40d0dc19e277895746c79b41a0607a
  specs:
    momentjs-rails (2.29.4.1)
      railties (>= 3.1)

GIT
  remote: https://github.com/jfly/selectize-rails.git
  revision: fe39d6e08934c0ebc602a166d88de3b22c3aaf49
  specs:
    selectize-rails (0.12.1)

GIT
  remote: https://github.com/thewca/carrierwave-crop.git
  revision: 0ada1914e8f3d3c875004a7063b7b822323e2295
  specs:
    carrierwave-crop (0.1.2)
      carrierwave (>= 0.8.0)
      rails (>= 3.2)

GIT
  remote: https://github.com/thewca/i18n-country-translations.git
  revision: e6706abe0eaa65729c1acb698be08b91dd2b6fde
  specs:
    i18n-country-translations (1.4.1)
      i18n (>= 0.9.3, < 2)
      railties (>= 5.0)

GIT
  remote: https://github.com/thewca/starburst.git
  revision: 491be263ca5186eb298006cfe2da0cb738673791
  specs:
    starburst (2.0.0.rc0)
      rails (>= 4.2.0, < 7.1)

GIT
  remote: https://github.com/thewca/time_will_tell.git
  revision: d1ad80f4e4c60762c50086976301453e1f40fab4
  specs:
    time_will_tell (0.1.0)
      railties (>= 3.2)

GIT
  remote: https://github.com/twalpole/apparition.git
  revision: ca86be4d54af835d531dbcd2b86e7b2c77f85f34
  specs:
    apparition (0.6.0)
      capybara (~> 3.13, < 4)
      websocket-driver (>= 0.6.5)

GIT
  remote: https://github.com/zpaulovics/datetimepicker-rails.git
  revision: 7a4640cb932e55866500a86c4f78808a4fca46e6
  submodules: true
  specs:
    datetimepicker-rails (4.7.16)
      momentjs-rails (>= 2.9.0)

GEM
  remote: https://rubygems.org/
  specs:
    RubyInline (3.13.0)
      ZenTest (~> 4.3)
    ZenTest (4.12.1)
    actioncable (7.0.5)
      actionpack (= 7.0.5)
      activesupport (= 7.0.5)
      nio4r (~> 2.0)
      websocket-driver (>= 0.6.1)
    actionmailbox (7.0.5)
      actionpack (= 7.0.5)
      activejob (= 7.0.5)
      activerecord (= 7.0.5)
      activestorage (= 7.0.5)
      activesupport (= 7.0.5)
      mail (>= 2.7.1)
      net-imap
      net-pop
      net-smtp
    actionmailer (7.0.5)
      actionpack (= 7.0.5)
      actionview (= 7.0.5)
      activejob (= 7.0.5)
      activesupport (= 7.0.5)
      mail (~> 2.5, >= 2.5.4)
      net-imap
      net-pop
      net-smtp
      rails-dom-testing (~> 2.0)
    actionpack (7.0.5)
      actionview (= 7.0.5)
      activesupport (= 7.0.5)
      rack (~> 2.0, >= 2.2.4)
      rack-test (>= 0.6.3)
      rails-dom-testing (~> 2.0)
      rails-html-sanitizer (~> 1.0, >= 1.2.0)
    actiontext (7.0.5)
      actionpack (= 7.0.5)
      activerecord (= 7.0.5)
      activestorage (= 7.0.5)
      activesupport (= 7.0.5)
      globalid (>= 0.6.0)
      nokogiri (>= 1.8.5)
    actionview (7.0.5)
      activesupport (= 7.0.5)
      builder (~> 3.1)
      erubi (~> 1.4)
      rails-dom-testing (~> 2.0)
      rails-html-sanitizer (~> 1.1, >= 1.2.0)
    activejob (7.0.5)
      activesupport (= 7.0.5)
      globalid (>= 0.3.6)
    activemodel (7.0.5)
      activesupport (= 7.0.5)
    activerecord (7.0.5)
      activemodel (= 7.0.5)
      activesupport (= 7.0.5)
    activerecord-import (1.4.1)
      activerecord (>= 4.2)
    activestorage (7.0.5)
      actionpack (= 7.0.5)
      activejob (= 7.0.5)
      activerecord (= 7.0.5)
      activesupport (= 7.0.5)
      marcel (~> 1.0)
      mini_mime (>= 1.1.0)
    activestorage-validator (0.4.0)
      rails (>= 6.1.0)
    activesupport (7.0.5)
      concurrent-ruby (~> 1.0, >= 1.0.2)
      i18n (>= 1.6, < 2)
      minitest (>= 5.1)
      tzinfo (~> 2.0)
    addressable (2.8.4)
      public_suffix (>= 2.0.2, < 6.0)
    ansi (1.5.0)
    api-pagination (5.0.0)
    ast (2.4.2)
    autoprefixer-rails (9.4.7)
      execjs
    aws-eventstream (1.2.0)
    aws-partitions (1.773.0)
    aws-sdk-cloudfront (1.77.0)
      aws-sdk-core (~> 3, >= 3.174.0)
      aws-sigv4 (~> 1.1)
    aws-sdk-core (3.174.0)
      aws-eventstream (~> 1, >= 1.0.2)
      aws-partitions (~> 1, >= 1.651.0)
      aws-sigv4 (~> 1.5)
      jmespath (~> 1, >= 1.6.1)
    aws-sdk-kms (1.65.0)
      aws-sdk-core (~> 3, >= 3.174.0)
      aws-sigv4 (~> 1.1)
    aws-sdk-s3 (1.123.0)
      aws-sdk-core (~> 3, >= 3.174.0)
      aws-sdk-kms (~> 1)
      aws-sigv4 (~> 1.4)
    aws-sigv4 (1.5.2)
      aws-eventstream (~> 1, >= 1.0.2)
    babel-source (5.8.35)
    babel-transpiler (0.7.0)
      babel-source (>= 4.0, < 6)
      execjs (~> 2.0)
    bcrypt (3.1.18)
    better_errors (2.10.0)
      erubi (>= 1.0.0)
      rack (>= 0.9.0)
      rouge (>= 1.0.0)
    better_html (2.0.1)
      actionview (>= 6.0)
      activesupport (>= 6.0)
      ast (~> 2.0)
      erubi (~> 1.4)
      parser (>= 2.4)
      smart_properties
    bindex (0.8.1)
    binding_of_caller (1.0.0)
      debug_inspector (>= 0.0.1)
    blocks (4.0.1)
      rails (>= 3.0.0)
    bootstrap-sass (3.4.1)
      autoprefixer-rails (>= 5.2.1)
      sassc (>= 2.0.0)
    bootstrap-table-rails (1.11.1.1)
    builder (3.2.4)
    bullet (7.0.7)
      activesupport (>= 3.0.0)
      uniform_notifier (~> 1.11)
    byebug (11.1.3)
    camertron-eprun (1.1.1)
    capybara (3.39.1)
      addressable
      matrix
      mini_mime (>= 0.1.3)
      nokogiri (~> 1.8)
      rack (>= 1.6.0)
      rack-test (>= 0.6.3)
      regexp_parser (>= 1.5, < 3.0)
      xpath (~> 3.2)
    capybara-screenshot (1.0.26)
      capybara (>= 1.0, < 4)
      launchy
    carrierwave (2.2.4)
      activemodel (>= 5.0.0)
      activesupport (>= 5.0.0)
      addressable (~> 2.6)
      image_processing (~> 1.1)
      marcel (~> 1.0.0)
      mini_mime (>= 0.1.3)
      ssrf_filter (~> 1.0)
    carrierwave-aws (1.5.0)
      aws-sdk-s3 (~> 1.0)
      carrierwave (~> 2.0)
    childprocess (4.1.0)
    chunky_png (1.4.0)
    cldr-plurals-runtime-rb (1.1.0)
    cocoon (1.2.15)
    coderay (1.1.3)
    colorize (0.8.1)
    concurrent-ruby (1.2.2)
    connection_pool (2.4.1)
    cookies_eu (1.7.8)
      js_cookie_rails (~> 2.2.0)
    crass (1.0.6)
    css_parser (1.12.0)
      addressable
    daemons (1.4.1)
    database_cleaner (2.0.2)
      database_cleaner-active_record (>= 2, < 3)
    database_cleaner-active_record (2.1.0)
      activerecord (>= 5.a)
      database_cleaner-core (~> 2.0.0)
    database_cleaner-core (2.0.1)
    date (3.3.3)
    debug_inspector (1.0.0)
    declarative (0.0.20)
    delayed_job (4.1.10)
      activesupport (>= 3.0, < 8.0)
    delayed_job_active_record (4.1.7)
      activerecord (>= 3.0, < 8.0)
      delayed_job (>= 3.0, < 5)
    devise (4.9.2)
      bcrypt (~> 3.0)
      orm_adapter (~> 0.1)
      railties (>= 4.1.0)
      responders
      warden (~> 1.2.3)
    devise-bootstrap-views (1.1.0)
    devise-i18n (1.11.0)
      devise (>= 4.9.0)
    devise-two-factor (5.0.0)
      activesupport (~> 7.0)
      devise (~> 4.0)
      railties (~> 7.0)
      rotp (~> 6.0)
    diff-lcs (1.5.0)
    docile (1.4.0)
    domain_name (0.5.20190701)
      unf (>= 0.0.5, < 1.0.0)
    doorkeeper (5.6.6)
      railties (>= 5)
    doorkeeper-i18n (5.2.6)
      doorkeeper (>= 5.2)
    dotenv (2.8.1)
    dotenv-rails (2.8.1)
      dotenv (= 2.8.1)
      railties (>= 3.2)
    enum_help (0.0.19)
      activesupport (>= 3.0.0)
    erubi (1.12.0)
    eu_central_bank (1.7.0)
      money (~> 6.13, >= 6.13.6)
      nokogiri (~> 1.9)
    execjs (2.8.1)
    factory_bot (6.2.0)
      activesupport (>= 5.0.0)
    factory_bot_rails (6.2.0)
      factory_bot (~> 6.2.0)
      railties (>= 5.0.0)
    faker (3.2.0)
      i18n (>= 1.8.11, < 2)
    faraday (2.7.5)
      faraday-net_http (>= 2.0, < 3.1)
      ruby2_keywords (>= 0.0.4)
    faraday-net_http (3.0.2)
    faraday-retry (2.2.0)
      faraday (~> 2.0)
    ffi (1.15.5)
    formatador (0.3.0)
    fuzzy-string-match (1.0.1)
      RubyInline (>= 3.8.6)
    glob (0.4.0)
    globalid (1.1.0)
      activesupport (>= 5.0)
    google-apis-admin_directory_v1 (0.43.0)
      google-apis-core (>= 0.11.0, < 2.a)
    google-apis-core (0.11.0)
      addressable (~> 2.5, >= 2.5.1)
      googleauth (>= 0.16.2, < 2.a)
      httpclient (>= 2.8.1, < 3.a)
      mini_mime (~> 1.0)
      representable (~> 3.0)
      retriable (>= 2.0, < 4.a)
      rexml
      webrick
    googleauth (1.5.2)
      faraday (>= 0.17.3, < 3.a)
      jwt (>= 1.4, < 3.0)
      memoist (~> 0.16)
      multi_json (~> 1.11)
      os (>= 0.9, < 2.0)
      signet (>= 0.16, < 2.a)
    guard (2.18.0)
      formatador (>= 0.2.4)
      listen (>= 2.7, < 4.0)
      lumberjack (>= 1.0.12, < 2.0)
      nenv (~> 0.1)
      notiffany (~> 0.0)
      pry (>= 0.13.0)
      shellany (~> 0.0)
      thor (>= 0.18.1)
    guard-compat (1.2.1)
    guard-rspec (4.7.3)
      guard (~> 2.1)
      guard-compat (~> 1.1)
      rspec (>= 2.99.0, < 4.0)
    hashie (5.0.0)
    high_voltage (3.1.2)
    highline (2.0.3)
    htmlentities (4.3.4)
    http-accept (1.7.0)
    http-cookie (1.0.3)
      domain_name (~> 0.5)
    http_accept_language (2.1.1)
    httpclient (2.8.3)
    i18n (1.14.1)
      concurrent-ruby (~> 1.0)
    i18n-js (4.2.3)
      glob (>= 0.4.0)
      i18n
    i18n-spec (0.6.0)
      iso
    i18n-tasks (1.0.12)
      activesupport (>= 4.0.2)
      ast (>= 2.1.0)
      better_html (>= 1.0, < 3.0)
      erubi
      highline (>= 2.0.0)
      i18n
      parser (>= 2.2.3.0)
      rails-i18n
      rainbow (>= 2.2.2, < 4.0)
      terminal-table (>= 1.5.1)
    icalendar (2.8.0)
      ice_cube (~> 0.16)
    ice_cube (0.16.4)
    image_processing (1.12.2)
      mini_magick (>= 4.9.5, < 5)
      ruby-vips (>= 2.0.17, < 3)
    iniparse (1.5.0)
    io-console (0.6.0)
    irb (1.6.4)
      reline (>= 0.3.0)
    iso (0.2.2)
      i18n
    jbuilder (2.11.5)
      actionview (>= 5.0.0)
      activesupport (>= 5.0.0)
    jmespath (1.6.2)
    js_cookie_rails (2.2.0)
      railties (>= 3.1)
    json (2.6.3)
    json-schema (4.0.0)
      addressable (>= 2.8)
    jwt (2.7.0)
    kaminari (1.2.2)
      activesupport (>= 4.1.0)
      kaminari-actionview (= 1.2.2)
      kaminari-activerecord (= 1.2.2)
      kaminari-core (= 1.2.2)
    kaminari-actionview (1.2.2)
      actionview
      kaminari-core (= 1.2.2)
    kaminari-activerecord (1.2.2)
      activerecord
      kaminari-core (= 1.2.2)
    kaminari-core (1.2.2)
    kaminari-i18n (0.5.0)
      kaminari
      rails
    kgio (2.11.4)
    launchy (2.5.2)
      addressable (~> 2.8)
    listen (3.6.0)
      rb-fsevent (~> 0.10, >= 0.10.3)
      rb-inotify (~> 0.9, >= 0.9.10)
    loofah (2.21.3)
      crass (~> 1.0.2)
      nokogiri (>= 1.12.0)
    lumberjack (1.2.8)
    mail (2.8.1)
      mini_mime (>= 0.1.1)
      net-imap
      net-pop
      net-smtp
    mail_form (1.10.0)
      actionmailer (>= 5.2)
      activemodel (>= 5.2)
    marcel (1.0.2)
    matrix (0.4.2)
    memoist (0.16.2)
    method_source (1.0.0)
    mime-types (3.3.1)
      mime-types-data (~> 3.2015)
    mime-types-data (3.2021.0704)
    mini_magick (4.12.0)
    mini_mime (1.1.2)
    mini_portile2 (2.8.2)
    minitest (5.18.1)
    monetize (1.11.0)
      money (~> 6.12)
    money (6.16.0)
      i18n (>= 0.6.4, <= 2)
    money-rails (1.15.0)
      activesupport (>= 3.0)
      monetize (~> 1.9)
      money (~> 6.13)
      railties (>= 3.0)
    multi_json (1.15.0)
    multi_xml (0.6.0)
    mysql2 (0.5.5)
    nenv (0.3.0)
    net-imap (0.3.4)
      date
      net-protocol
    net-pop (0.1.2)
      net-protocol
    net-protocol (0.2.1)
      timeout
    net-smtp (0.3.3)
      net-protocol
    netrc (0.11.0)
    newrelic_rpm (9.2.2)
    nio4r (2.5.9)
    nokogiri (1.15.2)
      mini_portile2 (~> 2.8.2)
      racc (~> 1.4)
    notiffany (0.1.3)
      nenv (~> 0.1)
      shellany (~> 0.0)
    oauth2 (2.0.9)
      faraday (>= 0.17.3, < 3.0)
      jwt (>= 1.0, < 3.0)
      multi_xml (~> 0.5)
      rack (>= 1.2, < 4)
      snaky_hash (~> 2.0)
      version_gem (~> 1.1)
    octokit (6.1.1)
      faraday (>= 1, < 3)
      sawyer (~> 0.9)
    oga (3.4)
      ast
      ruby-ll (~> 2.1)
    openssl (3.1.0)
    orm_adapter (0.5.0)
    os (1.1.4)
    overcommit (0.60.0)
      childprocess (>= 0.6.3, < 5)
      iniparse (~> 1.4)
      rexml (~> 3.2)
    parallel (1.23.0)
    parser (3.2.2.1)
      ast (~> 2.4.1)
    premailer (1.18.0)
      addressable
      css_parser (>= 1.12.0)
      htmlentities (>= 4.0.0)
    premailer-rails (1.12.0)
      actionmailer (>= 3)
      net-smtp
      premailer (~> 1.7, >= 1.7.9)
    pry (0.14.1)
      coderay (~> 1.1)
      method_source (~> 1.0)
    psych (5.1.0)
      stringio
    public_suffix (5.0.1)
    racc (1.6.2)
    rack (2.2.7)
    rack-cors (2.0.1)
      rack (>= 2.0.0)
    rack-proxy (0.7.6)
      rack
    rack-test (2.1.0)
      rack (>= 1.3)
    rails (7.0.5)
      actioncable (= 7.0.5)
      actionmailbox (= 7.0.5)
      actionmailer (= 7.0.5)
      actionpack (= 7.0.5)
      actiontext (= 7.0.5)
      actionview (= 7.0.5)
      activejob (= 7.0.5)
      activemodel (= 7.0.5)
      activerecord (= 7.0.5)
      activestorage (= 7.0.5)
      activesupport (= 7.0.5)
      bundler (>= 1.15.0)
      railties (= 7.0.5)
    rails-controller-testing (1.0.5)
      actionpack (>= 5.0.1.rc1)
      actionview (>= 5.0.1.rc1)
      activesupport (>= 5.0.1.rc1)
    rails-dom-testing (2.0.3)
      activesupport (>= 4.2.0)
      nokogiri (>= 1.6)
    rails-html-sanitizer (1.6.0)
      loofah (~> 2.21)
      nokogiri (~> 1.14)
    rails-i18n (7.0.7)
      i18n (>= 0.7, < 2)
      railties (>= 6.0.0, < 8)
    railties (7.0.5)
      actionpack (= 7.0.5)
      activesupport (= 7.0.5)
      method_source
      rake (>= 12.2)
      thor (~> 1.0)
      zeitwerk (~> 2.5)
    rainbow (3.1.1)
    raindrops (0.20.0)
    rake (13.0.6)
    rb-fsevent (0.11.0)
    rb-inotify (0.10.1)
      ffi (~> 1.0)
    rdoc (6.5.0)
      psych (>= 4.0.0)
    react-rails (2.7.1)
      babel-transpiler (>= 0.7.0)
      connection_pool
      execjs
      railties (>= 3.2)
      tilt
    recaptcha (5.14.0)
    redcarpet (3.6.0)
    regexp_parser (2.8.0)
    reline (0.3.3)
      io-console (~> 0.5)
    representable (3.2.0)
      declarative (< 0.1.0)
      trailblazer-option (>= 0.1.1, < 0.2.0)
      uber (< 0.2.0)
    responders (3.1.0)
      actionpack (>= 5.2)
      railties (>= 5.2)
    rest-client (2.1.0)
      http-accept (>= 1.7.0, < 2.0)
      http-cookie (>= 1.0.2, < 2.0)
      mime-types (>= 1.16, < 4.0)
      netrc (~> 0.8)
    retriable (3.1.2)
    rexml (3.2.5)
    rotp (6.2.0)
    rouge (4.1.0)
    rqrcode (2.2.0)
      chunky_png (~> 1.0)
      rqrcode_core (~> 1.0)
    rqrcode_core (1.2.0)
    rspec (3.12.0)
      rspec-core (~> 3.12.0)
      rspec-expectations (~> 3.12.0)
      rspec-mocks (~> 3.12.0)
    rspec-core (3.12.2)
      rspec-support (~> 3.12.0)
    rspec-expectations (3.12.3)
      diff-lcs (>= 1.2.0, < 2.0)
      rspec-support (~> 3.12.0)
    rspec-mocks (3.12.5)
      diff-lcs (>= 1.2.0, < 2.0)
      rspec-support (~> 3.12.0)
    rspec-rails (6.0.3)
      actionpack (>= 6.1)
      activesupport (>= 6.1)
      railties (>= 6.1)
      rspec-core (~> 3.12)
      rspec-expectations (~> 3.12)
      rspec-mocks (~> 3.12)
      rspec-support (~> 3.12)
    rspec-retry (0.6.2)
      rspec-core (> 3.3)
    rspec-support (3.12.0)
    rubocop (1.52.0)
      json (~> 2.3)
      parallel (~> 1.10)
      parser (>= 3.2.0.0)
      rainbow (>= 2.2.2, < 4.0)
      regexp_parser (>= 1.8, < 3.0)
      rexml (>= 3.2.5, < 4.0)
      rubocop-ast (>= 1.28.0, < 2.0)
      ruby-progressbar (~> 1.7)
      unicode-display_width (>= 2.4.0, < 3.0)
    rubocop-ast (1.29.0)
      parser (>= 3.2.1.0)
    ruby-ll (2.1.2)
      ansi
      ast
    ruby-progressbar (1.13.0)
    ruby-vips (2.1.4)
      ffi (~> 1.12)
    ruby2_keywords (0.0.5)
    sass-rails (6.0.0)
      sassc-rails (~> 2.1, >= 2.1.1)
    sassc (2.4.0)
      ffi (~> 1.9)
    sassc-rails (2.1.2)
      railties (>= 4.0.0)
      sassc (>= 2.0)
      sprockets (> 3.0)
      sprockets-rails
      tilt
    sawyer (0.9.2)
      addressable (>= 2.3.5)
      faraday (>= 0.17.3, < 3)
    sdoc (2.6.1)
      rdoc (>= 5.0)
    seedbank (0.5.0)
      rake (>= 10.0)
    semantic_range (3.0.0)
    shakapacker (6.6.0)
      activesupport (>= 5.2)
      rack-proxy (>= 0.6.1)
      railties (>= 5.2)
      semantic_range (>= 2.3.0)
    shellany (0.0.1)
    signet (0.17.0)
      addressable (~> 2.8)
      faraday (>= 0.17.5, < 3.a)
      jwt (>= 1.5, < 3.0)
      multi_json (~> 1.10)
    simple_form (5.2.0)
      actionpack (>= 5.2)
      activemodel (>= 5.2)
    simplecov (0.22.0)
      docile (~> 1.1)
      simplecov-html (~> 0.11)
      simplecov_json_formatter (~> 0.1)
    simplecov-html (0.12.3)
    simplecov-lcov (0.8.0)
    simplecov_json_formatter (0.1.4)
    simpleidn (0.2.1)
      unf (~> 0.1.4)
    smart_properties (1.17.0)
    snaky_hash (2.0.1)
      hashie
      version_gem (~> 1.1, >= 1.1.1)
    spring (4.1.1)
    spring-commands-rspec (1.0.4)
      spring (>= 0.9.1)
    sprockets (4.1.1)
      concurrent-ruby (~> 1.0)
      rack (> 1, < 3)
    sprockets-rails (3.4.2)
      actionpack (>= 5.2)
      activesupport (>= 5.2)
      sprockets (>= 3.0.0)
    ssrf_filter (1.1.1)
    stringio (3.0.5)
    strip_attributes (1.13.0)
      activemodel (>= 3.0, < 8.0)
    stripe (8.5.0)
    superconfig (2.1.1)
    terminal-table (3.0.2)
      unicode-display_width (>= 1.1.1, < 3)
    thor (1.2.2)
    tilt (2.1.0)
    timecop (0.9.6)
    timeout (0.3.2)
    trailblazer-option (0.1.2)
    translighterate (0.3.0)
      actionview (>= 6.0)
    twitter_cldr (6.11.5)
      camertron-eprun
      cldr-plurals-runtime-rb (~> 1.1)
      tzinfo
    tzinfo (2.0.6)
      concurrent-ruby (~> 1.0)
    uber (0.1.0)
    uglifier (4.2.0)
      execjs (>= 0.3.0, < 3)
    unf (0.1.4)
      unf_ext
    unf_ext (0.0.7.6)
    unicode-display_width (2.4.2)
    unicorn (6.1.0)
      kgio (~> 2.6)
      raindrops (~> 0.7)
    uniform_notifier (1.16.0)
    valid_email (0.1.4)
      activemodel
      mail (>= 2.6.1)
      simpleidn
    version_gem (1.1.1)
    warden (1.2.9)
      rack (>= 2.0.9)
    wca_i18n (0.4.4)
      colorize (~> 0.8)
    web-console (4.2.0)
      actionview (>= 6.0.0)
      activemodel (>= 6.0.0)
      bindex (>= 0.4.0)
      railties (>= 6.0.0)
    webrick (1.8.1)
    websocket-driver (0.7.5)
      websocket-extensions (>= 0.1.0)
    websocket-extensions (0.1.5)
    wicked_pdf (2.6.3)
      activesupport
    xpath (3.2.0)
      nokogiri (~> 1.8)
    zeitwerk (2.6.8)

PLATFORMS
  ruby

DEPENDENCIES
  activerecord-import
  activestorage-validator
  api-pagination
  apparition!
  aws-sdk-cloudfront
  aws-sdk-s3
  better_errors
  binding_of_caller
  blocks
  bootstrap-sass
  bootstrap-table-rails
  bullet
  byebug
  capybara
  capybara-screenshot
  carrierwave
  carrierwave-aws
  carrierwave-crop!
  cocoon
  cookies_eu
  daemons
  database_cleaner
  datetimepicker-rails!
  delayed_job_active_record
  devise
  devise-bootstrap-views
  devise-i18n
  devise-two-factor
  doorkeeper
  doorkeeper-i18n
  dotenv-rails
  enum_help
  eu_central_bank
  factory_bot_rails
  faker
  faraday
  faraday-retry
  fuzzy-string-match
  google-apis-admin_directory_v1
  guard-rspec
  high_voltage
  http_accept_language
  i18n-country-translations!
  i18n-js
  i18n-spec
  i18n-tasks
  icalendar
  image_processing
  irb
  jbuilder
  json-schema
  kaminari
  kaminari-i18n
  launchy
  mail_form
  mini_magick
  momentjs-rails!
  money-rails
  mysql2
  newrelic_rpm
  nokogiri
  oauth2
  octokit
  oga
  openssl
  overcommit
  premailer-rails
  rack-cors
  rails
  rails-controller-testing
  rails-i18n
  rake
  react-rails
  recaptcha
  redcarpet
  rest-client
  rqrcode
  rspec-rails
  rspec-retry
  rubocop
  sass-rails
  sdoc
  seedbank
  selectize-rails!
  shakapacker (= 6.6.0)
  simple_form
  simplecov
  simplecov-lcov
  spring
  spring-commands-rspec
  sprockets-rails
  starburst!
  strip_attributes
  stripe
  superconfig
  time_will_tell!
  timecop
  translighterate
  twitter_cldr
  uglifier
  unicorn
  valid_email
  wca_i18n
  web-console
  wicked_pdf

BUNDLED WITH
   2.4.7
